{
    "AcquisitionMatrixPE": 140,
    "AcquisitionNumber": 1,
    "AcquisitionTime": "14:09:25.290000",
    "BandwidthPerPixelPhaseEncode": 10.352,
    "BaseResolution": 140,
    "BodyPartExamined": "BRAIN",
    "CoilCombinationMethod": "Adaptive Combine",
    "ConsistencyInfo": "N4_VE11C_LATEST_20160120",
    "ConversionSoftware": "dcm2niix",
    "ConversionSoftwareVersion": "v1.0.20220505",
    "DerivedVendorReportedEchoSpacing": 0.000689998,
    "DeviceSerialNumber": "167024",
    "DiffusionScheme": "Monopolar",
    "Dim1Size": 140,
    "Dim2Size": 140,
    "Dim3Size": 81,
    "EchoTime": 0.089,
    "EchoTrainLength": 105,
    "EffectiveEchoSpacing": 0.000689998,
    "FlipAngle": 90,
    "HeudiconvVersion": "1.3.2",
    "ImageComments": "20976_12501@BBL:EFR01",
    "ImageOrientation": "LAS+",
    "ImageOrientationPatientDICOM": [
        1,
        0,
        0,
        0,
        1,
        0
    ],
    "ImageType": [
        "ORIGINAL",
        "PRIMARY",
        "DIFFUSION",
        "NONE",
        "ND",
        "MOSAIC"
    ],
    "ImagingFrequency": 123.166,
    "InPlanePhaseEncodingDirectionDICOM": "COL",
    "InstitutionAddress": "Spruce Street 3400,Philadelphia,Pennsylvania,US,19104",
    "InstitutionName": "HUP",
    "MRAcquisitionType": "2D",
    "MagneticFieldStrength": 3,
    "Manufacturer": "Siemens",
    "ManufacturersModelName": "Prisma_fit",
    "Modality": "MR",
    "MultibandAccelerationFactor": 3,
    "NumVolumes": 103,
    "Obliquity": "False",
    "PartialFourier": 0.75,
    "PartialFourierDirection": "y",
    "PatientPosition": "HFS",
    "PercentPhaseFOV": 100,
    "PercentSampling": 100,
    "PhaseEncodingDirection": "j",
    "PhaseEncodingSteps": 105,
    "PhaseResolution": 1,
    "PixelBandwidth": 1700,
    "ProcedureStepDescription": "MR HEAD WO IV CONTRAST",
    "ProtocolName": "dwi_acq-multishell_dir-AP_dwi",
    "PulseSequenceDetails": "%CustomerSeq%\\ep2d_diff_sms_abcd",
    "ReceiveCoilActiveElements": "HEA;HEP",
    "ReceiveCoilName": "Head_32",
    "ReconMatrixPE": 140,
    "RefLinesPE": 71,
    "RepetitionTime": 4.2,
    "SAR": 0.266244,
    "ScanOptions": "PFP\\FS",
    "ScanningSequence": "EP",
    "SequenceName": "ep_b0",
    "SequenceVariant": "SK\\SP",
    "SeriesDescription": "dwi_acq-multishell_dir-AP_dwi",
    "SeriesNumber": 9,
    "ShimSetting": [
        1834,
        -3860,
        -174,
        711,
        18,
        -27,
        53,
        -53
    ],
    "SliceThickness": 1.7,
    "SliceTiming": [
        0,
        2.1675,
        0.1525,
        2.32,
        0.3075,
        2.475,
        0.4625,
        2.63,
        0.6175,
        2.785,
        0.7725,
        2.94,
        0.9275,
        3.095,
        1.0825,
        3.25,
        1.2375,
        3.405,
        1.3925,
        3.56,
        1.5475,
        3.715,
        1.7025,
        3.87,
        1.8575,
        4.025,
        2.0125,
        0,
        2.1675,
        0.1525,
        2.32,
        0.3075,
        2.475,
        0.4625,
        2.63,
        0.6175,
        2.785,
        0.7725,
        2.94,
        0.9275,
        3.095,
        1.0825,
        3.25,
        1.2375,
        3.405,
        1.3925,
        3.56,
        1.5475,
        3.715,
        1.7025,
        3.87,
        1.8575,
        4.025,
        2.0125,
        0,
        2.1675,
        0.1525,
        2.32,
        0.3075,
        2.475,
        0.4625,
        2.63,
        0.6175,
        2.785,
        0.7725,
        2.94,
        0.9275,
        3.095,
        1.0825,
        3.25,
        1.2375,
        3.405,
        1.3925,
        3.56,
        1.5475,
        3.715,
        1.7025,
        3.87,
        1.8575,
        4.025,
        2.0125
    ],
    "SoftwareVersions": "syngo MR E11",
    "SpacingBetweenSlices": 1.7,
    "SpoilingState": true,
    "StationName": "HUP FNDBA MR2",
    "TotalReadoutTime": 0.0959097,
    "TxRefAmp": 243.55,
    "VendorReportedEchoSpacing": 0.00069,
    "VoxelSizeDim1": 1.7142857313156128,
    "VoxelSizeDim2": 1.7142857313156128,
    "VoxelSizeDim3": 1.7000000476837158,
    "WipMemBlock": "8abf9bba-d607-4fad-a3f6-b063fa25ee0b"
}