{
    "AcquisitionMatrixPE": 140,
    "AcquisitionNumber": 1,
    "AcquisitionTime": "17:47:51.512500",
    "B0FieldIdentifier": "fmap_dwi_pa_ses-1",
    "BandwidthPerPixelPhaseEncode": 10.352,
    "BaseResolution": 140,
    "BodyPartExamined": "BRAIN",
    "CoilCombinationMethod": "Adaptive Combine",
    "ConsistencyInfo": "N4_VE11C_LATEST_20160120",
    "ConversionSoftware": "dcm2niix",
    "ConversionSoftwareVersion": "v1.0.20220505",
    "DerivedVendorReportedEchoSpacing": 0.000689998,
    "DeviceSerialNumber": "167024",
    "DiffusionScheme": "Monopolar",
    "Dim1Size": 140,
    "Dim2Size": 140,
    "Dim3Size": 81,
    "DwellTime": 2.1e-06,
    "EchoTime": 0.089,
    "EchoTrainLength": 105,
    "EffectiveEchoSpacing": 0.000689998,
    "FlipAngle": 90,
    "HeudiconvVersion": "1.3.2",
    "ImageOrientation": "LAS+",
    "ImageOrientationPatientDICOM": [
        0.999328,
        -0.00281131,
        0.0365357,
        3.80036e-08,
        0.997053,
        0.076719
    ],
    "ImageOrientationText": "Tra>Cor(4.4)>Sag(2.1)",
    "ImageType": [
        "ORIGINAL",
        "PRIMARY",
        "DIFFUSION",
        "NONE",
        "ND"
    ],
    "ImagingFrequency": 123.262,
    "InPlanePhaseEncodingDirectionDICOM": "COL",
    "InstitutionAddress": "Spruce Street 3400,Philadelphia,Pennsylvania,US,19104",
    "InstitutionName": "HUP",
    "InstitutionalDepartmentName": "Department",
    "IntendedFor": "ses-1/dwi/sub-20214_ses-1_run-01_dwi.nii.gz",
    "MRAcquisitionType": "2D",
    "MagneticFieldStrength": 3,
    "Manufacturer": "Siemens",
    "ManufacturersModelName": "Prisma_fit",
    "MatrixCoilMode": "SENSE",
    "Modality": "MR",
    "NumVolumes": 1,
    "Obliquity": "True",
    "ParallelReductionFactorInPlane": 1,
    "PartialFourier": 0.75,
    "PartialFourierDirection": "y",
    "PatientPosition": "HFS",
    "PercentPhaseFOV": 100,
    "PercentSampling": 100,
    "PhaseEncodingDirection": "j",
    "PhaseEncodingSteps": 105,
    "PhaseResolution": 1,
    "PixelBandwidth": 1700,
    "ProcedureStepDescription": "MR HEAD WO IV CONTRAST",
    "ProtocolName": "ABCD_dMRI_DistortionMap_PA",
    "PulseSequenceDetails": "%CustomerSeq%\\ep2d_diff_sms_abcd",
    "ReceiveCoilActiveElements": "HEA;HEP",
    "ReceiveCoilName": "Head_32",
    "ReconMatrixPE": 140,
    "RepetitionTime": 12.4,
    "SAR": 0.126595,
    "ScanOptions": "PFP\\FS",
    "ScanningSequence": "EP",
    "SequenceName": "ep_b0",
    "SequenceVariant": "SK\\SP",
    "SeriesDescription": "ABCD_dMRI_DistortionMap_PA",
    "SeriesNumber": 12,
    "ShimSetting": [
        1747,
        -3852,
        -180,
        688,
        34,
        297,
        218,
        -2
    ],
    "SliceThickness": 1.7,
    "SliceTiming": [
        0,
        6.26562,
        0.15625,
        6.42188,
        0.29688,
        6.5625,
        0.45312,
        6.71875,
        0.60938,
        6.875,
        0.76562,
        7.03125,
        0.90625,
        7.17188,
        1.0625,
        7.32812,
        1.21875,
        7.48438,
        1.375,
        7.64062,
        1.53125,
        7.79688,
        1.67188,
        7.9375,
        1.82812,
        8.09375,
        1.98438,
        8.25,
        2.14062,
        8.40625,
        2.29688,
        8.54688,
        2.4375,
        8.70312,
        2.59375,
        8.85938,
        2.75,
        9.01562,
        2.90625,
        9.17188,
        3.04688,
        9.3125,
        3.20312,
        9.46875,
        3.35938,
        9.625,
        3.51562,
        9.78125,
        3.67188,
        9.92188,
        3.8125,
        10.0781,
        3.96875,
        10.2344,
        4.125,
        10.3906,
        4.28125,
        10.5469,
        4.42188,
        10.6875,
        4.57812,
        10.8438,
        4.73438,
        11,
        4.89062,
        11.1562,
        5.04688,
        11.2969,
        5.1875,
        11.4531,
        5.34375,
        11.6094,
        5.5,
        11.7656,
        5.65625,
        11.9219,
        5.79688,
        12.0625,
        5.95312,
        12.2188,
        6.10938
    ],
    "SoftwareVersions": "syngo MR E11",
    "SpacingBetweenSlices": 1.7,
    "SpoilingState": true,
    "StationName": "HUP FNDBA MR2",
    "TotalReadoutTime": 0.0959097,
    "TxRefAmp": 219.215,
    "VendorReportedEchoSpacing": 0.00069,
    "VoxelSizeDim1": 1.7142857313156128,
    "VoxelSizeDim2": 1.7142857313156128,
    "VoxelSizeDim3": 1.7000000476837158,
    "WipMemBlock": "dbe3fe7b-7d48-4373-9e81-23e48f7bcf90"
}