{
    "AcquisitionMatrixPE": 90,
    "AcquisitionNumber": 1,
    "AcquisitionTime": "10:59:58.097500",
    "B0FieldIdentifier": "fmap_fmri_ses_2",
    "BandwidthPerPixelPhaseEncode": 21.786,
    "BaseResolution": 90,
    "BodyPartExamined": "BRAIN",
    "CoilCombinationMethod": "Adaptive Combine",
    "ConsistencyInfo": "N4_VE11C_LATEST_20160120",
    "ConversionSoftware": "dcm2niix",
    "ConversionSoftwareVersion": "v1.0.20220505",
    "DerivedVendorReportedEchoSpacing": 0.000510012,
    "DeviceSerialNumber": "167024",
    "Dim1Size": 90,
    "Dim2Size": 90,
    "Dim3Size": 60,
    "EchoTime": 0.08,
    "EchoTrainLength": 90,
    "EffectiveEchoSpacing": 0.000510012,
    "FlipAngle": 90,
    "HeudiconvVersion": "1.3.2",
    "ImageComments": "21154_12187@BBL:EFR01",
    "ImageOrientation": "LAS+",
    "ImageOrientationPatientDICOM": [
        0.999263,
        -0.0107742,
        0.0368448,
        3.98467e-08,
        0.959805,
        0.280667
    ],
    "ImageType": [
        "ORIGINAL",
        "PRIMARY",
        "M",
        "ND"
    ],
    "ImagingFrequency": 123.192,
    "InPlanePhaseEncodingDirectionDICOM": "COL",
    "InstitutionAddress": "Spruce Street 3400,Philadelphia,Pennsylvania,US,19104",
    "InstitutionName": "HUP",
    "IntendedFor": [
        "ses-2/func/sub-21154_ses-2_task-nback_run-01_bold.nii.gz",
        "ses-2/func/sub-21154_ses-2_task-rest_run-01_bold.nii.gz",
        "ses-2/func/sub-21154_ses-2_task-rest_run-02_bold.nii.gz"
    ],
    "MRAcquisitionType": "2D",
    "MagneticFieldStrength": 3,
    "Manufacturer": "Siemens",
    "ManufacturersModelName": "Prisma_fit",
    "MatrixCoilMode": "SENSE",
    "Modality": "MR",
    "NumVolumes": 1,
    "Obliquity": "True",
    "ParallelReductionFactorInPlane": 1,
    "PartialFourier": 1,
    "PartialFourierDirection": "y",
    "PatientPosition": "HFS",
    "PercentPhaseFOV": 100,
    "PercentSampling": 100,
    "PhaseEncodingDirection": "j-",
    "PhaseEncodingSteps": 90,
    "PhaseResolution": 1,
    "PixelBandwidth": 2780,
    "ProcedureStepDescription": "MR HEAD WO IV CONTRAST",
    "ProtocolName": "fmap_acq-fMRIdistmap_dir-AP_epi",
    "PulseSequenceDetails": "%CustomerSeq%\\ep2d_se_sms_abcd",
    "ReceiveCoilActiveElements": "HEA;HEP",
    "ReceiveCoilName": "Head_32",
    "ReconMatrixPE": 90,
    "RepetitionTime": 7.03,
    "SAR": 0.199854,
    "ScanOptions": "FS",
    "ScanningSequence": "EP",
    "SequenceName": "epse2d1_90",
    "SequenceVariant": "SK\\SP",
    "SeriesDescription": "fmap_acq-fMRIdistmap_dir-AP_epi",
    "SeriesNumber": 17,
    "ShimSetting": [
        1821,
        -3900,
        -127,
        566,
        109,
        -3,
        245,
        -17
    ],
    "SliceThickness": 2.4,
    "SliceTiming": [
        3.50781,
        0,
        3.63281,
        0.11719,
        3.75,
        0.23438,
        3.86719,
        0.35156,
        3.98438,
        0.46875,
        4.10156,
        0.58594,
        4.21094,
        0.70312,
        4.32812,
        0.82031,
        4.44531,
        0.9375,
        4.57031,
        1.05469,
        4.6875,
        1.17188,
        4.80469,
        1.28906,
        4.92188,
        1.40625,
        5.03125,
        1.52344,
        5.14844,
        1.63281,
        5.26562,
        1.75781,
        5.38281,
        1.875,
        5.50781,
        1.99219,
        5.625,
        2.10938,
        5.74219,
        2.22656,
        5.85938,
        2.34375,
        5.96875,
        2.45312,
        6.08594,
        2.57031,
        6.20312,
        2.69531,
        6.32031,
        2.8125,
        6.44531,
        2.92969,
        6.5625,
        3.04688,
        6.67969,
        3.16406,
        6.78906,
        3.28125,
        6.90625,
        3.39062
    ],
    "SoftwareVersions": "syngo MR E11",
    "SpacingBetweenSlices": 2.4,
    "SpoilingState": true,
    "StationName": "HUP FNDBA MR2",
    "TotalReadoutTime": 0.045391,
    "TxRefAmp": 239.906,
    "VendorReportedEchoSpacing": 0.00051,
    "VoxelSizeDim1": 2.4000000953674316,
    "VoxelSizeDim2": 2.4000000953674316,
    "VoxelSizeDim3": 2.4000000953674316,
    "WipMemBlock": "3cfe04b5-eac8-4e7c-ae0a-3dc93ab733b7"
}