{
    "AcquisitionMatrixPE": 64,
    "AcquisitionNumber": 1,
    "AcquisitionTime": "14:05:31.135000",
    "BaseResolution": 64,
    "BodyPartExamined": "BRAIN",
    "CoilCombinationMethod": "Adaptive Combine",
    "ConsistencyInfo": "N4_VE11C_LATEST_20160120",
    "ConversionSoftware": "dcm2niix",
    "ConversionSoftwareVersion": "v1.0.20220505",
    "DeviceSerialNumber": "167024",
    "Dim1Size": 64,
    "Dim2Size": 64,
    "Dim3Size": 32,
    "DwellTime": 3.91e-05,
    "EchoTime": 0.01003,
    "FlipAngle": 90,
    "HeudiconvVersion": "1.3.2",
    "ImageComments": "20310_11242@BBL:EFR01",
    "ImageOrientation": "LAS+",
    "ImageOrientationPatientDICOM": [
        1,
        0,
        0,
        0,
        1,
        0
    ],
    "ImageOrientationText": "Tra",
    "ImageType": [
        "ORIGINAL",
        "PRIMARY",
        "M",
        "ND"
    ],
    "ImagingFrequency": 123.261,
    "InPlanePhaseEncodingDirectionDICOM": "COL",
    "InstitutionAddress": "Spruce Street 3400,Philadelphia,Pennsylvania,US,19104",
    "InstitutionName": "HUP",
    "InstitutionalDepartmentName": "Department",
    "IntendedFor": "ses-1/perf/sub-20310_ses-1_run-01_asl.nii.gz",
    "MRAcquisitionType": "3D",
    "MagneticFieldStrength": 3,
    "Manufacturer": "Siemens",
    "ManufacturersModelName": "Prisma_fit",
    "MatrixCoilMode": "SENSE",
    "Modality": "MR",
    "NumVolumes": 2,
    "Obliquity": "False",
    "PartialFourier": 1,
    "PatientPosition": "HFS",
    "PercentPhaseFOV": 100,
    "PercentSampling": 100,
    "PhaseEncodingSteps": 2,
    "PhaseResolution": 1,
    "PixelBandwidth": 400,
    "ProcedureStepDescription": "MR HEAD WO IV CONTRAST",
    "ProtocolName": "asl_acq-3dspiralv20unbalanced_asl",
    "PulseSequenceDetails": "%CustomerSeq%\\SPIRAL_V20_GE",
    "ReceiveCoilActiveElements": "HEA;HEP",
    "ReceiveCoilName": "Head_32",
    "ReconMatrixPE": 64,
    "RepetitionTime": 4,
    "RepetitionTimePreparation": 5,
    "SAR": 0.591861,
    "ScanOptions": "SAT1\\FS",
    "ScanningSequence": "RM",
    "SequenceName": "Sp3d1",
    "SequenceVariant": "SS",
    "SeriesDescription": "asl_acq-3dspiralv20unbalanced_asl_M0",
    "SeriesNumber": 20,
    "ShimSetting": [
        1785,
        -3944,
        -243,
        982,
        76,
        -209,
        111,
        -120
    ],
    "SliceThickness": 3.75,
    "SoftwareVersions": "syngo MR E11",
    "StationName": "HUP FNDBA MR2",
    "TxRefAmp": 220.97,
    "VoxelSizeDim1": 3.75,
    "VoxelSizeDim2": 3.75,
    "VoxelSizeDim3": 3.75
}