{
    "AcquisitionMatrixPE": 120,
    "AcquisitionNumber": 1,
    "AcquisitionTime": "14:17:5.497500",
    "BaseResolution": 160,
    "BodyPartExamined": "BRAIN",
    "CoilCombinationMethod": "Adaptive Combine",
    "ConsistencyInfo": "N4_VE11C_LATEST_20160120",
    "ConversionSoftware": "dcm2niix",
    "ConversionSoftwareVersion": "v1.0.20220505",
    "DeviceSerialNumber": "167024",
    "Dim1Size": 120,
    "Dim2Size": 160,
    "Dim3Size": 96,
    "DwellTime": 1.57e-05,
    "EchoNumber": 3,
    "EchoTime": 0.0225,
    "EchoTrainLength": 4,
    "FlipAngle": 15,
    "HeudiconvVersion": "1.3.2",
    "ImageComments": "20923_11388@BBL:EFR01",
    "ImageOrientation": "RAS+",
    "ImageOrientationPatientDICOM": [
        1,
        4.897e-12,
        0,
        -4.897e-12,
        1,
        0
    ],
    "ImageOrientationText": "Tra",
    "ImageType": [
        "ORIGINAL",
        "PRIMARY",
        "M",
        "ND",
        "NORM"
    ],
    "ImagingFrequency": 123.261,
    "InPlanePhaseEncodingDirectionDICOM": "ROW",
    "InstitutionAddress": "Spruce Street 3400,Philadelphia,Pennsylvania,US,19104",
    "InstitutionName": "HUP",
    "InstitutionalDepartmentName": "Department",
    "MRAcquisitionType": "3D",
    "MagneticFieldStrength": 3,
    "Manufacturer": "Siemens",
    "ManufacturersModelName": "Prisma_fit",
    "MatrixCoilMode": "GRAPPA",
    "Modality": "MR",
    "NumVolumes": 1,
    "Obliquity": "False",
    "ParallelReductionFactorInPlane": 2,
    "PartialFourier": 1,
    "PatientPosition": "HFS",
    "PercentPhaseFOV": 75,
    "PercentSampling": 100,
    "PhaseEncodingDirection": "i",
    "PhaseEncodingSteps": 119,
    "PhaseResolution": 1,
    "PixelBandwidth": 200,
    "ProcedureStepDescription": "BRAIN RESEARCH^SATTERTHWAITE",
    "ProtocolName": "qsm_acq-1.5mm_GRE",
    "PulseSequenceDetails": "%SiemensSeq%\\gre",
    "ReceiveCoilActiveElements": "HEA;HEP",
    "ReceiveCoilName": "Head_32",
    "ReconMatrixPE": 120,
    "RefLinesPE": 24,
    "RepetitionTime": 0.035,
    "SAR": 0.0120812,
    "ScanningSequence": "GR",
    "SequenceName": "*fl3d4r",
    "SequenceVariant": "SP",
    "SeriesDescription": "qsm_acq-1.5mm_GRE",
    "SeriesNumber": 26,
    "ShimSetting": [
        1750,
        -3944,
        -196,
        595,
        18,
        -210,
        170,
        3
    ],
    "SliceThickness": 1.5,
    "SoftwareVersions": "syngo MR E11",
    "StationName": "HUP FNDBA MR2",
    "TxRefAmp": 214.837,
    "VoxelSizeDim1": 1.5,
    "VoxelSizeDim2": 1.5,
    "VoxelSizeDim3": 1.5
}