{
    "AcquisitionMatrixPE": 140,
    "AcquisitionNumber": 1,
    "AcquisitionTime": "14:40:22.000000",
    "B0FieldIdentifier": "fmap_dwi_ap_ses-1",
    "BandwidthPerPixelPhaseEncode": 10.352,
    "BaseResolution": 140,
    "BodyPartExamined": "BRAIN",
    "CoilCombinationMethod": "Adaptive Combine",
    "ConsistencyInfo": "N4_VE11C_LATEST_20160120",
    "ConversionSoftware": "dcm2niix",
    "ConversionSoftwareVersion": "v1.0.20220505",
    "DerivedVendorReportedEchoSpacing": 0.000689998,
    "DeviceSerialNumber": "167024",
    "DiffusionScheme": "Monopolar",
    "Dim1Size": 140,
    "Dim2Size": 140,
    "Dim3Size": 81,
    "DwellTime": 2.1e-06,
    "EchoTime": 0.089,
    "EchoTrainLength": 105,
    "EffectiveEchoSpacing": 0.000689998,
    "FlipAngle": 90,
    "HeudiconvVersion": "1.3.2",
    "ImageComments": "21154_11492@BBL:EFR01",
    "ImageOrientation": "LAS+",
    "ImageOrientationPatientDICOM": [
        0.99961,
        0.00561448,
        -0.0273513,
        -5.12071e-08,
        0.979575,
        0.201078
    ],
    "ImageOrientationText": "Tra>Cor(11.6)>Sag(-1.6)",
    "ImageType": [
        "ORIGINAL",
        "PRIMARY",
        "DIFFUSION",
        "NONE",
        "ND"
    ],
    "ImagingFrequency": 123.261,
    "InPlanePhaseEncodingDirectionDICOM": "COL",
    "InstitutionAddress": "Spruce Street 3400,Philadelphia,Pennsylvania,US,19104",
    "InstitutionName": "HUP",
    "InstitutionalDepartmentName": "Department",
    "IntendedFor": "ses-1/dwi/sub-21154_ses-1_run-01_dwi.nii.gz",
    "MRAcquisitionType": "2D",
    "MagneticFieldStrength": 3,
    "Manufacturer": "Siemens",
    "ManufacturersModelName": "Prisma_fit",
    "MatrixCoilMode": "SENSE",
    "Modality": "MR",
    "NumVolumes": 1,
    "Obliquity": "True",
    "ParallelReductionFactorInPlane": 1,
    "PartialFourier": 0.75,
    "PartialFourierDirection": "y",
    "PatientPosition": "HFS",
    "PercentPhaseFOV": 100,
    "PercentSampling": 100,
    "PhaseEncodingDirection": "j-",
    "PhaseEncodingSteps": 105,
    "PhaseResolution": 1,
    "PixelBandwidth": 1700,
    "ProcedureStepDescription": "MR HEAD WO IV CONTRAST",
    "ProtocolName": "fmap_acq-dMRIdistmap_dir-AP_epi",
    "PulseSequenceDetails": "%CustomerSeq%\\ep2d_diff_sms_abcd",
    "ReceiveCoilActiveElements": "HEA;HEP",
    "ReceiveCoilName": "Head_32",
    "ReconMatrixPE": 140,
    "RepetitionTime": 12.4,
    "SAR": 0.191868,
    "ScanOptions": "PFP\\FS",
    "ScanningSequence": "EP",
    "SequenceName": "ep_b0",
    "SequenceVariant": "SK\\SP",
    "SeriesDescription": "fmap_acq-dMRIdistmap_dir-AP_epi",
    "SeriesNumber": 11,
    "ShimSetting": [
        1710,
        -3772,
        -58,
        737,
        48,
        187,
        12,
        117
    ],
    "SliceThickness": 1.7,
    "SliceTiming": [
        0,
        6.26562,
        0.15625,
        6.42188,
        0.3125,
        6.57812,
        0.45312,
        6.71875,
        0.60938,
        6.875,
        0.76562,
        7.03125,
        0.92188,
        7.1875,
        1.0625,
        7.34375,
        1.21875,
        7.48438,
        1.375,
        7.64062,
        1.53125,
        7.79688,
        1.6875,
        7.95312,
        1.82812,
        8.09375,
        1.98438,
        8.25,
        2.14062,
        8.40625,
        2.29688,
        8.5625,
        2.4375,
        8.71875,
        2.59375,
        8.85938,
        2.75,
        9.01562,
        2.90625,
        9.17188,
        3.0625,
        9.32812,
        3.20312,
        9.46875,
        3.35938,
        9.625,
        3.51562,
        9.78125,
        3.67188,
        9.9375,
        3.8125,
        10.0938,
        3.96875,
        10.2344,
        4.125,
        10.3906,
        4.28125,
        10.5469,
        4.4375,
        10.7031,
        4.57812,
        10.8594,
        4.73438,
        11,
        4.89062,
        11.1562,
        5.04688,
        11.3125,
        5.20312,
        11.4688,
        5.34375,
        11.6094,
        5.5,
        11.7656,
        5.65625,
        11.9219,
        5.8125,
        12.0781,
        5.95312,
        12.2344,
        6.10938
    ],
    "SoftwareVersions": "syngo MR E11",
    "SpacingBetweenSlices": 1.7,
    "SpoilingState": true,
    "StationName": "HUP FNDBA MR2",
    "TotalReadoutTime": 0.0959097,
    "TxRefAmp": 231.332,
    "VendorReportedEchoSpacing": 0.00069,
    "VoxelSizeDim1": 1.7142857313156128,
    "VoxelSizeDim2": 1.7142857313156128,
    "VoxelSizeDim3": 1.7000000476837158,
    "WipMemBlock": "65301637-28a1-4839-b469-4305eb7f37a4"
}