{
    "AcquisitionMatrixPE": 90,
    "AcquisitionNumber": 1,
    "AcquisitionTime": "15:04:23.077500",
    "B0FieldIdentifier": "fmap_fmri_ses_2",
    "BandwidthPerPixelPhaseEncode": 21.786,
    "BaseResolution": 90,
    "BodyPartExamined": "BRAIN",
    "CoilCombinationMethod": "Adaptive Combine",
    "ConsistencyInfo": "N4_VE11C_LATEST_20160120",
    "ConversionSoftware": "dcm2niix",
    "ConversionSoftwareVersion": "v1.0.20220505",
    "DerivedVendorReportedEchoSpacing": 0.000510012,
    "DeviceSerialNumber": "167024",
    "Dim1Size": 90,
    "Dim2Size": 90,
    "Dim3Size": 60,
    "DwellTime": 2e-06,
    "EchoTime": 0.08,
    "EchoTrainLength": 90,
    "EffectiveEchoSpacing": 0.000510012,
    "FlipAngle": 90,
    "HeudiconvVersion": "1.3.2",
    "ImageComments": "20976_11873@BBL:EFR01",
    "ImageOrientation": "LAS+",
    "ImageOrientationPatientDICOM": [
        0.999657,
        0.00521888,
        -0.0256514,
        -4.03029e-08,
        0.979925,
        0.199368
    ],
    "ImageOrientationText": "Tra>Cor(11.5)>Sag(-1.5)",
    "ImageType": [
        "ORIGINAL",
        "PRIMARY",
        "M",
        "ND"
    ],
    "ImagingFrequency": 123.261,
    "InPlanePhaseEncodingDirectionDICOM": "COL",
    "InstitutionAddress": "Spruce Street 3400,Philadelphia,Pennsylvania,US,19104",
    "InstitutionName": "HUP",
    "InstitutionalDepartmentName": "Department",
    "IntendedFor": [
        "ses-2/func/sub-20976_ses-2_task-nback_run-01_bold.nii.gz",
        "ses-2/func/sub-20976_ses-2_task-rest_run-01_bold.nii.gz",
        "ses-2/func/sub-20976_ses-2_task-rest_run-02_bold.nii.gz"
    ],
    "MRAcquisitionType": "2D",
    "MagneticFieldStrength": 3,
    "Manufacturer": "Siemens",
    "ManufacturersModelName": "Prisma_fit",
    "MatrixCoilMode": "SENSE",
    "Modality": "MR",
    "NumVolumes": 1,
    "Obliquity": "True",
    "ParallelReductionFactorInPlane": 1,
    "PartialFourier": 1,
    "PartialFourierDirection": "y",
    "PatientPosition": "HFS",
    "PercentPhaseFOV": 100,
    "PercentSampling": 100,
    "PhaseEncodingDirection": "j-",
    "PhaseEncodingSteps": 90,
    "PhaseResolution": 1,
    "PixelBandwidth": 2780,
    "ProcedureStepDescription": "MR HEAD WO IV CONTRAST",
    "ProtocolName": "fmap_acq-fMRIdistmap_dir-AP_epi",
    "PulseSequenceDetails": "%CustomerSeq%\\ep2d_se_sms_abcd",
    "ReceiveCoilActiveElements": "HEA;HEP",
    "ReceiveCoilName": "Head_32",
    "ReconMatrixPE": 90,
    "RepetitionTime": 7.03,
    "SAR": 0.134456,
    "ScanOptions": "FS",
    "ScanningSequence": "EP",
    "SequenceName": "epse2d1_90",
    "SequenceVariant": "SK\\SP",
    "SeriesDescription": "fmap_acq-fMRIdistmap_dir-AP_epi",
    "SeriesNumber": 19,
    "ShimSetting": [
        1744,
        -3930,
        -229,
        468,
        -6,
        -254,
        124,
        -33
    ],
    "SliceThickness": 2.4,
    "SliceTiming": [
        3.51562,
        0,
        3.625,
        0.125,
        3.75,
        0.23438,
        3.85938,
        0.35938,
        3.98438,
        0.46875,
        4.09375,
        0.57812,
        4.21875,
        0.70312,
        4.32812,
        0.8125,
        4.45312,
        0.9375,
        4.5625,
        1.0625,
        4.6875,
        1.17188,
        4.79688,
        1.28125,
        4.92188,
        1.40625,
        5.03125,
        1.51562,
        5.15625,
        1.64062,
        5.26562,
        1.75,
        5.39062,
        1.875,
        5.5,
        2,
        5.625,
        2.10938,
        5.73438,
        2.21875,
        5.85938,
        2.34375,
        5.96875,
        2.45312,
        6.09375,
        2.57812,
        6.20312,
        2.6875,
        6.32812,
        2.8125,
        6.4375,
        2.9375,
        6.5625,
        3.04688,
        6.67188,
        3.15625,
        6.79688,
        3.28125,
        6.90625,
        3.39062
    ],
    "SoftwareVersions": "syngo MR E11",
    "SpacingBetweenSlices": 2.4,
    "SpoilingState": true,
    "StationName": "HUP FNDBA MR2",
    "TotalReadoutTime": 0.045391,
    "TxRefAmp": 243.626,
    "VendorReportedEchoSpacing": 0.00051,
    "VoxelSizeDim1": 2.4000000953674316,
    "VoxelSizeDim2": 2.4000000953674316,
    "VoxelSizeDim3": 2.4000000953674316,
    "WipMemBlock": "69bece25-29f4-4d84-8238-2a9c0a9f99df"
}