{
    "AcquisitionMatrixPE": 64,
    "AcquisitionNumber": 1,
    "AcquisitionTime": "16:22:48.892500",
    "ArterialSpinLabelingType": "PCASL",
    "BackgroundSuppression": true,
    "BackgroundSuppressionNumberPulses": 2,
    "BaseResolution": 64,
    "BodyPartExamined": "BRAIN",
    "CoilCombinationMethod": "Adaptive Combine",
    "ConsistencyInfo": "N4_VE11C_LATEST_20160120",
    "ConversionSoftware": "dcm2niix",
    "ConversionSoftwareVersion": "v1.0.20220505",
    "DeviceSerialNumber": "167024",
    "Dim1Size": 64,
    "Dim2Size": 64,
    "Dim3Size": 32,
    "EchoTime": 0.01003,
    "FlipAngle": 90,
    "FrameTimesStart": [
        0,
        31.465,
        36.7625,
        42.0575,
        47.355,
        52.6525,
        57.9475,
        63.245,
        68.54,
        73.8375,
        79.135,
        84.43,
        89.7275,
        95.025,
        100.32,
        105.618,
        110.915,
        116.21,
        121.507,
        126.805,
        132.1,
        137.398,
        142.695,
        147.99,
        153.288,
        158.583,
        163.88,
        169.178,
        174.473,
        179.77,
        185.068,
        190.363,
        195.66,
        200.958,
        206.253,
        211.55,
        216.848,
        222.143,
        227.44,
        232.738,
        238.033,
        243.33,
        248.628,
        253.923,
        259.22,
        264.515,
        269.812,
        275.11,
        280.405,
        285.703,
        291,
        296.295,
        301.592,
        306.89,
        312.185,
        317.483,
        322.78,
        328.075,
        333.372,
        338.67,
        343.965,
        349.263,
        354.557,
        359.855,
        365.152,
        370.448,
        375.745,
        381.043,
        386.337,
        391.635,
        396.932,
        402.228,
        407.525,
        412.823,
        418.117,
        423.415,
        428.712,
        434.008,
        439.305,
        444.6
    ],
    "HeudiconvVersion": "1.3.2",
    "ImageComments": "21560_12400@BBL:EFR01",
    "ImageOrientation": "LAS+",
    "ImageOrientationPatientDICOM": [
        1,
        0,
        0,
        0,
        1,
        0
    ],
    "ImageType": [
        "ORIGINAL",
        "PRIMARY",
        "M",
        "ND"
    ],
    "ImagingFrequency": 123.192,
    "InPlanePhaseEncodingDirectionDICOM": "COL",
    "InstitutionAddress": "Spruce Street 3400,Philadelphia,Pennsylvania,US,19104",
    "InstitutionName": "HUP",
    "LabelingDuration": 1.5,
    "M0Type": "Separate",
    "MRAcquisitionType": "3D",
    "MagneticFieldStrength": 3,
    "Manufacturer": "Siemens",
    "ManufacturersModelName": "Prisma_fit",
    "MatrixCoilMode": "SENSE",
    "Modality": "MR",
    "NumVolumes": 80,
    "Obliquity": "False",
    "PCASLType": "unbalanced",
    "PartialFourier": 1,
    "PatientPosition": "HFS",
    "PercentPhaseFOV": 100,
    "PercentSampling": 100,
    "PhaseEncodingSteps": 2,
    "PhaseResolution": 1,
    "PixelBandwidth": 400,
    "PostLabelingDelay": 1.5,
    "ProcedureStepDescription": "MR HEAD WO IV CONTRAST",
    "ProtocolName": "asl_acq-3dspiralv20unbalanced_asl",
    "PulseSequenceDetails": "%CustomerSeq%\\SPIRAL_V20_GE",
    "ReceiveCoilActiveElements": "HEP",
    "ReceiveCoilName": "Head_32",
    "ReconMatrixPE": 64,
    "RepetitionTime": 5.62785,
    "RepetitionTimeExcitation": 5.2966,
    "RepetitionTimePreparation": 4.29845,
    "SAR": 0.577237,
    "ScanOptions": "SAT1\\FS",
    "ScanningSequence": "RM",
    "SequenceName": "Sp3d1",
    "SequenceVariant": "SS",
    "SeriesDescription": "asl_acq-3dspiralv20unbalanced_asl_ASL",
    "SeriesNumber": 21,
    "ShimSetting": [
        1809,
        -3912,
        -129,
        332,
        77,
        -63,
        98,
        16
    ],
    "SliceThickness": 3.75,
    "SoftwareVersions": "syngo MR E11",
    "StationName": "HUP FNDBA MR2",
    "TotalAcquiredPairs": 40,
    "TxRefAmp": 331.55,
    "VoxelSizeDim1": 3.75,
    "VoxelSizeDim2": 3.75,
    "VoxelSizeDim3": 3.75
}