{
    "AcquisitionMatrixPE": 90,
    "AcquisitionNumber": 1,
    "AcquisitionTime": "11:11:21.832500",
    "B0FieldIdentifier": "fmap_fmri_ses_1",
    "BandwidthPerPixelPhaseEncode": 21.786,
    "BaseResolution": 90,
    "BodyPartExamined": "BRAIN",
    "CoilCombinationMethod": "Adaptive Combine",
    "ConsistencyInfo": "N4_VE11C_LATEST_20160120",
    "ConversionSoftware": "dcm2niix",
    "ConversionSoftwareVersion": "v1.0.20220505",
    "DerivedVendorReportedEchoSpacing": 0.000510012,
    "DeviceSerialNumber": "167024",
    "Dim1Size": 90,
    "Dim2Size": 90,
    "Dim3Size": 60,
    "EchoTime": 0.08,
    "EchoTrainLength": 90,
    "EffectiveEchoSpacing": 0.000510012,
    "FlipAngle": 90,
    "HeudiconvVersion": "1.3.2",
    "ImageComments": "22045_11960@BBL:EFR01",
    "ImageOrientation": "LAS+",
    "ImageOrientationPatientDICOM": [
        0.999123,
        -0.0089208,
        0.0409144,
        1.0189e-08,
        0.977046,
        0.21303
    ],
    "ImageType": [
        "ORIGINAL",
        "PRIMARY",
        "M",
        "ND"
    ],
    "ImagingFrequency": 123.192,
    "InPlanePhaseEncodingDirectionDICOM": "COL",
    "InstitutionAddress": "Spruce Street 3400,Philadelphia,Pennsylvania,US,19104",
    "InstitutionName": "HUP",
    "IntendedFor": "ses-1/func/sub-22045_ses-1_task-nback_run-01_bold.nii.gz",
    "MRAcquisitionType": "2D",
    "MagneticFieldStrength": 3,
    "Manufacturer": "Siemens",
    "ManufacturersModelName": "Prisma_fit",
    "MatrixCoilMode": "SENSE",
    "Modality": "MR",
    "NumVolumes": 1,
    "Obliquity": "True",
    "ParallelReductionFactorInPlane": 1,
    "PartialFourier": 1,
    "PartialFourierDirection": "y",
    "PatientPosition": "HFS",
    "PercentPhaseFOV": 100,
    "PercentSampling": 100,
    "PhaseEncodingDirection": "j",
    "PhaseEncodingSteps": 90,
    "PhaseResolution": 1,
    "PixelBandwidth": 2780,
    "ProcedureStepDescription": "MR HEAD WO IV CONTRAST",
    "ProtocolName": "fmap_acq-fMRIdistmap_dir-PA_epi",
    "PulseSequenceDetails": "%CustomerSeq%\\ep2d_se_sms_abcd",
    "ReceiveCoilActiveElements": "HEA;HEP",
    "ReceiveCoilName": "Head_32",
    "ReconMatrixPE": 90,
    "RepetitionTime": 7.03,
    "SAR": 0.236689,
    "ScanOptions": "FS",
    "ScanningSequence": "EP",
    "SequenceName": "epse2d1_90",
    "SequenceVariant": "SK\\SP",
    "SeriesDescription": "fmap_acq-fMRIdistmap_dir-PA_epi",
    "SeriesNumber": 16,
    "ShimSetting": [
        1822,
        -3910,
        -88,
        563,
        52,
        136,
        118,
        -77
    ],
    "SliceThickness": 2.4,
    "SliceTiming": [
        3.51562,
        0,
        3.625,
        0.10938,
        3.74219,
        0.22656,
        3.85938,
        0.34375,
        3.97656,
        0.46094,
        4.09375,
        0.58594,
        4.21094,
        0.70312,
        4.33594,
        0.82031,
        4.44531,
        0.9375,
        4.5625,
        1.04688,
        4.67969,
        1.16406,
        4.79688,
        1.28125,
        4.91406,
        1.39844,
        5.03125,
        1.52344,
        5.14844,
        1.64062,
        5.26562,
        1.75781,
        5.38281,
        1.86719,
        5.5,
        1.98438,
        5.61719,
        2.10156,
        5.73438,
        2.21875,
        5.85156,
        2.33594,
        5.96875,
        2.46094,
        6.08594,
        2.57812,
        6.20312,
        2.6875,
        6.32031,
        2.80469,
        6.4375,
        2.92188,
        6.55469,
        3.03906,
        6.67188,
        3.15625,
        6.78906,
        3.27344,
        6.90625,
        3.39844
    ],
    "SoftwareVersions": "syngo MR E11",
    "SpacingBetweenSlices": 2.4,
    "SpoilingState": true,
    "StationName": "HUP FNDBA MR2",
    "TotalReadoutTime": 0.045391,
    "TxRefAmp": 227.934,
    "VendorReportedEchoSpacing": 0.00051,
    "VoxelSizeDim1": 2.4000000953674316,
    "VoxelSizeDim2": 2.4000000953674316,
    "VoxelSizeDim3": 2.4000000953674316,
    "WipMemBlock": "9c304c8a-2576-4412-968c-26db6402f0da"
}