{
    "AcquisitionMatrixPE": 90,
    "AcquisitionNumber": 1,
    "AcquisitionTime": "11:01:51.817500",
    "B0FieldIdentifier": "fmap_fmri_ses_1",
    "BandwidthPerPixelPhaseEncode": 21.786,
    "BaseResolution": 90,
    "BodyPartExamined": "BRAIN",
    "CoilCombinationMethod": "Adaptive Combine",
    "ConsistencyInfo": "N4_VE11C_LATEST_20160120",
    "ConversionSoftware": "dcm2niix",
    "ConversionSoftwareVersion": "v1.0.20220505",
    "DerivedVendorReportedEchoSpacing": 0.000510012,
    "DeviceSerialNumber": "167024",
    "Dim1Size": 90,
    "Dim2Size": 90,
    "Dim3Size": 60,
    "DwellTime": 2e-06,
    "EchoTime": 0.08,
    "EchoTrainLength": 90,
    "EffectiveEchoSpacing": 0.000510012,
    "FlipAngle": 90,
    "HeudiconvVersion": "1.3.2",
    "ImageComments": "21023_11452@BBL:EFR01",
    "ImageOrientation": "LAS+",
    "ImageOrientationPatientDICOM": [
        1,
        0,
        0,
        0,
        0.978148,
        0.207912
    ],
    "ImageOrientationText": "Tra>Cor(12.0)",
    "ImageType": [
        "ORIGINAL",
        "PRIMARY",
        "M",
        "ND"
    ],
    "ImagingFrequency": 123.261,
    "InPlanePhaseEncodingDirectionDICOM": "COL",
    "InstitutionAddress": "Spruce Street 3400,Philadelphia,Pennsylvania,US,19104",
    "InstitutionName": "HUP",
    "InstitutionalDepartmentName": "Department",
    "IntendedFor": [
        "ses-1/func/sub-21023_ses-1_task-nback_run-01_bold.nii.gz",
        "ses-1/func/sub-21023_ses-1_task-rest_run-01_bold.nii.gz",
        "ses-1/func/sub-21023_ses-1_task-rest_run-02_bold.nii.gz"
    ],
    "MRAcquisitionType": "2D",
    "MagneticFieldStrength": 3,
    "Manufacturer": "Siemens",
    "ManufacturersModelName": "Prisma_fit",
    "MatrixCoilMode": "SENSE",
    "Modality": "MR",
    "NumVolumes": 1,
    "Obliquity": "True",
    "ParallelReductionFactorInPlane": 1,
    "PartialFourier": 1,
    "PartialFourierDirection": "y",
    "PatientPosition": "HFS",
    "PercentPhaseFOV": 100,
    "PercentSampling": 100,
    "PhaseEncodingDirection": "j",
    "PhaseEncodingSteps": 90,
    "PhaseResolution": 1,
    "PixelBandwidth": 2780,
    "ProcedureStepDescription": "MR HEAD WO IV CONTRAST",
    "ProtocolName": "fmap_acq-fMRIdistmap_dir-PA_epi",
    "PulseSequenceDetails": "%CustomerSeq%\\ep2d_se_sms_abcd",
    "ReceiveCoilActiveElements": "HEA;HEP",
    "ReceiveCoilName": "Head_32",
    "ReconMatrixPE": 90,
    "RepetitionTime": 7.03,
    "SAR": 0.184196,
    "ScanOptions": "FS",
    "ScanningSequence": "EP",
    "SequenceName": "epse2d1_90",
    "SequenceVariant": "SK\\SP",
    "SeriesDescription": "fmap_acq-fMRIdistmap_dir-PA_epi",
    "SeriesNumber": 16,
    "ShimSetting": [
        1732,
        -3910,
        -45,
        625,
        51,
        -60,
        77,
        -20
    ],
    "SliceThickness": 2.4,
    "SliceTiming": [
        3.51562,
        0,
        3.63281,
        0.11719,
        3.74219,
        0.22656,
        3.85938,
        0.35156,
        3.97656,
        0.46875,
        4.10156,
        0.58594,
        4.21875,
        0.70312,
        4.33594,
        0.82031,
        4.45312,
        0.9375,
        4.5625,
        1.05469,
        4.67969,
        1.16406,
        4.79688,
        1.28906,
        4.91406,
        1.40625,
        5.03906,
        1.52344,
        5.15625,
        1.64062,
        5.27344,
        1.75781,
        5.39062,
        1.875,
        5.5,
        1.98438,
        5.61719,
        2.10156,
        5.73438,
        2.22656,
        5.85156,
        2.34375,
        5.97656,
        2.46094,
        6.09375,
        2.57812,
        6.21094,
        2.69531,
        6.32031,
        2.80469,
        6.4375,
        2.92188,
        6.55469,
        3.03906,
        6.67188,
        3.16406,
        6.78906,
        3.28125,
        6.91406,
        3.39844
    ],
    "SoftwareVersions": "syngo MR E11",
    "SpacingBetweenSlices": 2.4,
    "SpoilingState": true,
    "StationName": "HUP FNDBA MR2",
    "TotalReadoutTime": 0.045391,
    "TxRefAmp": 264.33,
    "VendorReportedEchoSpacing": 0.00051,
    "VoxelSizeDim1": 2.4000000953674316,
    "VoxelSizeDim2": 2.4000000953674316,
    "VoxelSizeDim3": 2.4000000953674316,
    "WipMemBlock": "c65f4e7e-ab99-4cd0-b4b0-227be4b44967"
}