{
    "AcquisitionMatrixPE": 140,
    "AcquisitionNumber": 1,
    "AcquisitionTime": "18:03:1.070000",
    "B0FieldIdentifier": "fmap_dwi_ap_ses-1",
    "BandwidthPerPixelPhaseEncode": 10.352,
    "BaseResolution": 140,
    "BodyPartExamined": "BRAIN",
    "CoilCombinationMethod": "Adaptive Combine",
    "ConsistencyInfo": "N4_VE11C_LATEST_20160120",
    "ConversionSoftware": "dcm2niix",
    "ConversionSoftwareVersion": "v1.0.20220505",
    "DerivedVendorReportedEchoSpacing": 0.000689998,
    "DeviceSerialNumber": "167024",
    "DiffusionScheme": "Monopolar",
    "Dim1Size": 140,
    "Dim2Size": 140,
    "Dim3Size": 81,
    "EchoTime": 0.089,
    "EchoTrainLength": 105,
    "EffectiveEchoSpacing": 0.000689998,
    "FlipAngle": 90,
    "HeudiconvVersion": "1.3.2",
    "ImageComments": "23582_12487@BBL:EFR01",
    "ImageOrientation": "LAS+",
    "ImageOrientationPatientDICOM": [
        1,
        0,
        0,
        0,
        1,
        0
    ],
    "ImageType": [
        "ORIGINAL",
        "PRIMARY",
        "DIFFUSION",
        "NONE",
        "ND"
    ],
    "ImagingFrequency": 123.166,
    "InPlanePhaseEncodingDirectionDICOM": "COL",
    "InstitutionAddress": "Spruce Street 3400,Philadelphia,Pennsylvania,US,19104",
    "InstitutionName": "HUP",
    "IntendedFor": "ses-1/dwi/sub-23582_ses-1_acq-VARIANTObliquity_run-01_dwi.nii.gz",
    "MRAcquisitionType": "2D",
    "MagneticFieldStrength": 3,
    "Manufacturer": "Siemens",
    "ManufacturersModelName": "Prisma_fit",
    "MatrixCoilMode": "SENSE",
    "Modality": "MR",
    "NumVolumes": 1,
    "Obliquity": "False",
    "ParallelReductionFactorInPlane": 1,
    "PartialFourier": 0.75,
    "PartialFourierDirection": "y",
    "PatientPosition": "HFS",
    "PercentPhaseFOV": 100,
    "PercentSampling": 100,
    "PhaseEncodingDirection": "j-",
    "PhaseEncodingSteps": 105,
    "PhaseResolution": 1,
    "PixelBandwidth": 1700,
    "ProcedureStepDescription": "MR HEAD WO IV CONTRAST",
    "ProtocolName": "fmap_acq-dMRIdistmap_dir-AP_epi",
    "PulseSequenceDetails": "%CustomerSeq%\\ep2d_diff_sms_abcd",
    "ReceiveCoilActiveElements": "HEA;HEP",
    "ReceiveCoilName": "Head_32",
    "ReconMatrixPE": 140,
    "RepetitionTime": 12.4,
    "SAR": 0.196165,
    "ScanOptions": "PFP\\FS",
    "ScanningSequence": "EP",
    "SequenceName": "ep_b0",
    "SequenceVariant": "SK\\SP",
    "SeriesDescription": "fmap_acq-dMRIdistmap_dir-AP_epi",
    "SeriesNumber": 13,
    "ShimSetting": [
        1790,
        -3917,
        75,
        974,
        6,
        89,
        287,
        -42
    ],
    "SliceThickness": 1.7,
    "SliceTiming": [
        0,
        6.28125,
        0.15625,
        6.42188,
        0.3125,
        6.57812,
        0.46875,
        6.73438,
        0.625,
        6.89062,
        0.76562,
        7.03125,
        0.92188,
        7.1875,
        1.07812,
        7.34375,
        1.23438,
        7.5,
        1.375,
        7.65625,
        1.53125,
        7.79688,
        1.6875,
        7.95312,
        1.84375,
        8.10938,
        2,
        8.26562,
        2.14062,
        8.42188,
        2.29688,
        8.5625,
        2.45312,
        8.71875,
        2.60938,
        8.875,
        2.76562,
        9.03125,
        2.90625,
        9.17188,
        3.0625,
        9.32812,
        3.21875,
        9.48438,
        3.375,
        9.64062,
        3.51562,
        9.79688,
        3.67188,
        9.9375,
        3.82812,
        10.0938,
        3.98438,
        10.25,
        4.14062,
        10.4062,
        4.28125,
        10.5469,
        4.4375,
        10.7031,
        4.59375,
        10.8594,
        4.75,
        11.0156,
        4.90625,
        11.1719,
        5.04688,
        11.3125,
        5.20312,
        11.4688,
        5.35938,
        11.625,
        5.51562,
        11.7812,
        5.65625,
        11.9375,
        5.8125,
        12.0781,
        5.96875,
        12.2344,
        6.125
    ],
    "SoftwareVersions": "syngo MR E11",
    "SpacingBetweenSlices": 1.7,
    "SpoilingState": true,
    "StationName": "HUP FNDBA MR2",
    "TotalReadoutTime": 0.0959097,
    "TxRefAmp": 248.016,
    "VendorReportedEchoSpacing": 0.00069,
    "VoxelSizeDim1": 1.7142857313156128,
    "VoxelSizeDim2": 1.7142857313156128,
    "VoxelSizeDim3": 1.7000000476837158,
    "WipMemBlock": "47ed59ec-aec8-40b9-bde6-cfc208019c67"
}