{
    "AcquisitionMatrixPE": 140,
    "AcquisitionNumber": 1,
    "AcquisitionTime": "16:36:55.715000",
    "BandwidthPerPixelPhaseEncode": 10.352,
    "BaseResolution": 140,
    "BodyPartExamined": "BRAIN",
    "CoilCombinationMethod": "Adaptive Combine",
    "ConsistencyInfo": "N4_VE11C_LATEST_20160120",
    "ConversionSoftware": "dcm2niix",
    "ConversionSoftwareVersion": "v1.0.20220505",
    "DerivedVendorReportedEchoSpacing": 0.000689998,
    "DeviceSerialNumber": "167024",
    "DiffusionScheme": "Monopolar",
    "Dim1Size": 140,
    "Dim2Size": 140,
    "Dim3Size": 81,
    "DwellTime": 2.1e-06,
    "EchoTime": 0.089,
    "EchoTrainLength": 105,
    "EffectiveEchoSpacing": 0.000689998,
    "FlipAngle": 90,
    "HeudiconvVersion": "1.3.2",
    "ImageComments": "20961_11441@BBL:EFR01",
    "ImageOrientation": "LAS+",
    "ImageOrientationPatientDICOM": [
        0.999781,
        0.00453277,
        -0.020446,
        8.1092e-10,
        0.976296,
        0.21644
    ],
    "ImageOrientationText": "Tra>Cor(12.5)>Sag(-1.2)",
    "ImageType": [
        "ORIGINAL",
        "PRIMARY",
        "DIFFUSION",
        "NONE",
        "ND",
        "MOSAIC"
    ],
    "ImagingFrequency": 123.262,
    "InPlanePhaseEncodingDirectionDICOM": "COL",
    "InstitutionAddress": "Spruce Street 3400,Philadelphia,Pennsylvania,US,19104",
    "InstitutionName": "HUP",
    "InstitutionalDepartmentName": "Department",
    "MRAcquisitionType": "2D",
    "MagneticFieldStrength": 3,
    "Manufacturer": "Siemens",
    "ManufacturersModelName": "Prisma_fit",
    "Modality": "MR",
    "MultibandAccelerationFactor": 3,
    "NumVolumes": 103,
    "Obliquity": "True",
    "PartialFourier": 0.75,
    "PartialFourierDirection": "y",
    "PatientPosition": "HFS",
    "PercentPhaseFOV": 100,
    "PercentSampling": 100,
    "PhaseEncodingDirection": "j",
    "PhaseEncodingSteps": 105,
    "PhaseResolution": 1,
    "PixelBandwidth": 1700,
    "ProcedureStepDescription": "MR HEAD WO IV CONTRAST",
    "ProtocolName": "dwi_acq-multishell_dir-AP_dwi",
    "PulseSequenceDetails": "%CustomerSeq%\\ep2d_diff_sms_abcd",
    "ReceiveCoilActiveElements": "HEA;HEP",
    "ReceiveCoilName": "Head_32",
    "ReconMatrixPE": 140,
    "RefLinesPE": 71,
    "RepetitionTime": 4.2,
    "SAR": 0.354025,
    "ScanOptions": "PFP\\FS",
    "ScanningSequence": "EP",
    "SequenceName": "ep_b0",
    "SequenceVariant": "SK\\SP",
    "SeriesDescription": "dwi_acq-multishell_dir-AP_dwi",
    "SeriesNumber": 9,
    "ShimSetting": [
        1739,
        -3917,
        -212,
        463,
        72,
        -158,
        187,
        -12
    ],
    "SliceThickness": 1.7,
    "SliceTiming": [
        0,
        2.1675,
        0.155,
        2.3225,
        0.31,
        2.4775,
        0.465,
        2.6325,
        0.62,
        2.7875,
        0.775,
        2.9425,
        0.93,
        3.0975,
        1.085,
        3.2525,
        1.24,
        3.4075,
        1.395,
        3.5625,
        1.55,
        3.7175,
        1.705,
        3.87,
        1.8575,
        4.025,
        2.0125,
        0,
        2.1675,
        0.155,
        2.3225,
        0.31,
        2.4775,
        0.465,
        2.6325,
        0.62,
        2.7875,
        0.775,
        2.9425,
        0.93,
        3.0975,
        1.085,
        3.2525,
        1.24,
        3.4075,
        1.395,
        3.5625,
        1.55,
        3.7175,
        1.705,
        3.87,
        1.8575,
        4.025,
        2.0125,
        0,
        2.1675,
        0.155,
        2.3225,
        0.31,
        2.4775,
        0.465,
        2.6325,
        0.62,
        2.7875,
        0.775,
        2.9425,
        0.93,
        3.0975,
        1.085,
        3.2525,
        1.24,
        3.4075,
        1.395,
        3.5625,
        1.55,
        3.7175,
        1.705,
        3.87,
        1.8575,
        4.025,
        2.0125
    ],
    "SoftwareVersions": "syngo MR E11",
    "SpacingBetweenSlices": 1.7,
    "SpoilingState": true,
    "StationName": "HUP FNDBA MR2",
    "TotalReadoutTime": 0.0959097,
    "TxRefAmp": 215.788,
    "VendorReportedEchoSpacing": 0.00069,
    "VoxelSizeDim1": 1.7142857313156128,
    "VoxelSizeDim2": 1.7142857313156128,
    "VoxelSizeDim3": 1.7000000476837158,
    "WipMemBlock": "1205e57a-a54c-4b6a-8958-0c8b821bca6f"
}