{
    "AcquisitionMatrixPE": 64,
    "AcquisitionNumber": 1,
    "AcquisitionTime": "15:55:19.782500",
    "ArterialSpinLabelingType": "PCASL",
    "BackgroundSuppression": true,
    "BackgroundSuppressionNumberPulses": 2,
    "BaseResolution": 64,
    "BodyPartExamined": "BRAIN",
    "CoilCombinationMethod": "Adaptive Combine",
    "ConsistencyInfo": "N4_VE11C_LATEST_20160120",
    "ConversionSoftware": "dcm2niix",
    "ConversionSoftwareVersion": "v1.0.20220505",
    "DeviceSerialNumber": "167024",
    "Dim1Size": 64,
    "Dim2Size": 64,
    "Dim3Size": 32,
    "DwellTime": 3.91e-05,
    "EchoTime": 0.01003,
    "FlipAngle": 90,
    "FrameTimesStart": [
        0,
        27.575,
        31.575,
        35.575,
        39.575,
        43.575,
        47.575,
        51.575,
        55.575,
        59.575,
        63.575,
        67.575,
        71.575,
        75.575,
        79.575,
        83.575,
        87.575,
        91.575,
        95.575,
        99.575,
        103.575,
        107.575,
        111.575,
        115.575,
        119.575,
        123.575,
        127.575,
        131.575,
        135.575,
        139.575,
        143.575,
        147.575,
        151.575,
        155.575,
        159.575,
        163.575,
        167.575,
        171.575,
        175.575,
        179.575,
        183.575,
        187.575,
        191.575,
        195.575,
        199.575,
        203.575,
        207.575,
        211.575,
        215.575,
        219.575,
        223.575,
        227.575,
        231.575,
        235.575,
        239.575,
        243.575,
        247.575,
        251.575,
        255.575,
        259.578,
        263.578,
        267.578,
        271.578,
        275.578,
        279.578,
        283.578,
        287.578,
        291.578,
        295.578,
        299.578,
        303.578,
        307.578,
        311.578,
        315.578,
        319.578,
        323.578,
        327.578,
        331.578,
        335.578,
        339.578
    ],
    "HeudiconvVersion": "1.3.2",
    "ImageComments": "20934_11387@BBL:EFR01",
    "ImageOrientation": "LAS+",
    "ImageOrientationPatientDICOM": [
        1,
        0,
        0,
        0,
        1,
        0
    ],
    "ImageOrientationText": "Tra",
    "ImageType": [
        "ORIGINAL",
        "PRIMARY",
        "M",
        "ND"
    ],
    "ImagingFrequency": 123.262,
    "InPlanePhaseEncodingDirectionDICOM": "COL",
    "InstitutionAddress": "Spruce Street 3400,Philadelphia,Pennsylvania,US,19104",
    "InstitutionName": "HUP",
    "InstitutionalDepartmentName": "Department",
    "LabelingDuration": 1.5,
    "M0Type": "Separate",
    "MRAcquisitionType": "3D",
    "MagneticFieldStrength": 3,
    "Manufacturer": "Siemens",
    "ManufacturersModelName": "Prisma_fit",
    "MatrixCoilMode": "SENSE",
    "Modality": "MR",
    "NumVolumes": 80,
    "Obliquity": "False",
    "PCASLType": "unbalanced",
    "PartialFourier": 1,
    "PatientPosition": "HFS",
    "PercentPhaseFOV": 100,
    "PercentSampling": 100,
    "PhaseEncodingSteps": 2,
    "PhaseResolution": 1,
    "PixelBandwidth": 400,
    "PostLabelingDelay": 1.5,
    "ProcedureStepDescription": "BRAIN RESEARCH^SATTERTHWAITE",
    "ProtocolName": "asl_acq-3dspiralv20unbalanced_asl",
    "PulseSequenceDetails": "%CustomerSeq%\\SPIRAL_V20_GE",
    "ReceiveCoilActiveElements": "HEA;HEP",
    "ReceiveCoilName": "Head_32",
    "ReconMatrixPE": 64,
    "RepetitionTime": 4.29845,
    "RepetitionTimeExcitation": 4,
    "RepetitionTimePreparation": 4.29845,
    "SAR": 0.837695,
    "ScanOptions": "SAT1\\FS",
    "ScanningSequence": "RM",
    "SequenceName": "Sp3d1",
    "SequenceVariant": "SS",
    "SeriesDescription": "asl_acq-3dspiralv20unbalanced_asl_ASL",
    "SeriesNumber": 28,
    "ShimSetting": [
        1740,
        -3877,
        -396,
        621,
        31,
        -189,
        193,
        41
    ],
    "SliceThickness": 3.75,
    "SoftwareVersions": "syngo MR E11",
    "StationName": "HUP FNDBA MR2",
    "TotalAcquiredPairs": 40,
    "TxRefAmp": 239.503,
    "VoxelSizeDim1": 3.75,
    "VoxelSizeDim2": 3.75,
    "VoxelSizeDim3": 3.75
}