{
    "AcquisitionMatrixPE": 64,
    "AcquisitionNumber": 1,
    "AcquisitionTime": "17:07:49.382500",
    "ArterialSpinLabelingType": "PCASL",
    "BackgroundSuppression": true,
    "BackgroundSuppressionNumberPulses": 2,
    "BaseResolution": 64,
    "BodyPartExamined": "BRAIN",
    "CoilCombinationMethod": "Adaptive Combine",
    "ConsistencyInfo": "N4_VE11C_LATEST_20160120",
    "ConversionSoftware": "dcm2niix",
    "ConversionSoftwareVersion": "v1.0.20220505",
    "DeviceSerialNumber": "167024",
    "Dim1Size": 64,
    "Dim2Size": 64,
    "Dim3Size": 32,
    "DwellTime": 3.91e-05,
    "EchoTime": 0.01003,
    "FlipAngle": 90,
    "FrameTimesStart": [
        0,
        27.5725,
        31.5725,
        35.5725,
        39.5725,
        43.5725,
        47.5725,
        51.5725,
        55.5725,
        59.5725,
        63.5725,
        67.5725,
        71.5725,
        75.5725,
        79.5725,
        83.5725,
        87.5725,
        91.5725,
        95.5725,
        99.5725,
        103.573,
        107.573,
        111.573,
        115.573,
        119.573,
        123.575,
        127.575,
        131.575,
        135.575,
        139.575,
        143.575,
        147.575,
        151.575,
        155.575,
        159.575,
        163.575,
        167.575,
        171.575,
        175.575,
        179.575,
        183.575,
        187.575,
        191.575,
        195.575,
        199.575,
        203.575,
        207.575,
        211.575,
        215.575,
        219.575,
        223.575,
        227.575,
        231.575,
        235.575,
        239.575,
        243.575,
        247.575,
        251.575,
        255.575,
        259.575,
        263.575,
        267.575,
        271.575,
        275.575,
        279.575,
        283.575,
        287.575,
        291.575,
        295.575,
        299.575,
        303.575,
        307.575,
        311.575,
        315.575,
        319.575,
        323.575,
        327.575,
        331.575,
        335.575,
        339.575
    ],
    "HeudiconvVersion": "1.3.2",
    "ImageOrientation": "LAS+",
    "ImageOrientationPatientDICOM": [
        1,
        0,
        0,
        0,
        1,
        0
    ],
    "ImageOrientationText": "Tra",
    "ImageType": [
        "ORIGINAL",
        "PRIMARY",
        "M",
        "ND"
    ],
    "ImagingFrequency": 123.262,
    "InPlanePhaseEncodingDirectionDICOM": "COL",
    "InstitutionAddress": "Spruce Street 3400,Philadelphia,Pennsylvania,US,19104",
    "InstitutionName": "HUP",
    "InstitutionalDepartmentName": "Department",
    "LabelingDuration": 1.5,
    "M0Type": "Separate",
    "MRAcquisitionType": "3D",
    "MagneticFieldStrength": 3,
    "Manufacturer": "Siemens",
    "ManufacturersModelName": "Prisma_fit",
    "MatrixCoilMode": "SENSE",
    "Modality": "MR",
    "NumVolumes": 80,
    "Obliquity": "False",
    "PCASLType": "unbalanced",
    "PartialFourier": 1,
    "PatientPosition": "HFS",
    "PercentPhaseFOV": 100,
    "PercentSampling": 100,
    "PhaseEncodingSteps": 2,
    "PhaseResolution": 1,
    "PixelBandwidth": 400,
    "PostLabelingDelay": 1.5,
    "ProcedureStepDescription": "MR HEAD WO IV CONTRAST",
    "ProtocolName": "ASL_3DSPIRAL_V20_GE_UnBalanced",
    "PulseSequenceDetails": "%CustomerSeq%\\SPIRAL_V20_GE",
    "ReceiveCoilActiveElements": "HEA;HEP",
    "ReceiveCoilName": "Head_32",
    "ReconMatrixPE": 64,
    "RepetitionTime": 4.29842,
    "RepetitionTimeExcitation": 4,
    "RepetitionTimePreparation": 4.29845,
    "SAR": 0.425511,
    "ScanOptions": "SAT1\\FS",
    "ScanningSequence": "RM",
    "SequenceName": "Sp3d1",
    "SequenceVariant": "SS",
    "SeriesDescription": "ASL_3DSPIRAL_V20_GE_UnBalanced_ASL",
    "SeriesNumber": 22,
    "ShimSetting": [
        1721,
        -3894,
        -220,
        587,
        -44,
        -102,
        202,
        26
    ],
    "SliceThickness": 3.75,
    "SoftwareVersions": "syngo MR E11",
    "StationName": "HUP FNDBA MR2",
    "TotalAcquiredPairs": 40,
    "TxRefAmp": 217.583,
    "VoxelSizeDim1": 3.75,
    "VoxelSizeDim2": 3.75,
    "VoxelSizeDim3": 3.75
}