{
    "AcquisitionMatrixPE": 140,
    "AcquisitionNumber": 1,
    "AcquisitionTime": "17:40:10.110000",
    "BandwidthPerPixelPhaseEncode": 10.352,
    "BaseResolution": 140,
    "BodyPartExamined": "BRAIN",
    "CoilCombinationMethod": "Adaptive Combine",
    "ConsistencyInfo": "N4_VE11C_LATEST_20160120",
    "ConversionSoftware": "dcm2niix",
    "ConversionSoftwareVersion": "v1.0.20220505",
    "DerivedVendorReportedEchoSpacing": 0.000689998,
    "DeviceSerialNumber": "167024",
    "DiffusionScheme": "Monopolar",
    "Dim1Size": 140,
    "Dim2Size": 140,
    "Dim3Size": 81,
    "DwellTime": 2.1e-06,
    "EchoTime": 0.089,
    "EchoTrainLength": 105,
    "EffectiveEchoSpacing": 0.000689998,
    "FlipAngle": 90,
    "HeudiconvVersion": "1.3.2",
    "ImageOrientation": "LAS+",
    "ImageOrientationPatientDICOM": [
        0.999328,
        -0.00281131,
        0.0365357,
        3.80036e-08,
        0.997053,
        0.076719
    ],
    "ImageOrientationText": "Tra>Cor(4.4)>Sag(2.1)",
    "ImageType": [
        "ORIGINAL",
        "PRIMARY",
        "DIFFUSION",
        "NONE",
        "ND",
        "MOSAIC"
    ],
    "ImagingFrequency": 123.262,
    "InPlanePhaseEncodingDirectionDICOM": "COL",
    "InstitutionAddress": "Spruce Street 3400,Philadelphia,Pennsylvania,US,19104",
    "InstitutionName": "HUP",
    "InstitutionalDepartmentName": "Department",
    "MRAcquisitionType": "2D",
    "MagneticFieldStrength": 3,
    "Manufacturer": "Siemens",
    "ManufacturersModelName": "Prisma_fit",
    "Modality": "MR",
    "MultibandAccelerationFactor": 3,
    "NumVolumes": 103,
    "Obliquity": "True",
    "PartialFourier": 0.75,
    "PartialFourierDirection": "y",
    "PatientPosition": "HFS",
    "PercentPhaseFOV": 100,
    "PercentSampling": 100,
    "PhaseEncodingDirection": "j",
    "PhaseEncodingSteps": 105,
    "PhaseResolution": 1,
    "PixelBandwidth": 1700,
    "ProcedureStepDescription": "MR HEAD WO IV CONTRAST",
    "ProtocolName": "ABCD_dMRI",
    "PulseSequenceDetails": "%CustomerSeq%\\ep2d_diff_sms_abcd",
    "ReceiveCoilActiveElements": "HEA;HEP",
    "ReceiveCoilName": "Head_32",
    "ReconMatrixPE": 140,
    "RefLinesPE": 71,
    "RepetitionTime": 4.2,
    "SAR": 0.282322,
    "ScanOptions": "PFP\\FS",
    "ScanningSequence": "EP",
    "SequenceName": "ep_b0",
    "SequenceVariant": "SK\\SP",
    "SeriesDescription": "ABCD_dMRI",
    "SeriesNumber": 11,
    "ShimSetting": [
        1747,
        -3852,
        -180,
        688,
        34,
        297,
        218,
        -2
    ],
    "SliceThickness": 1.7,
    "SliceTiming": [
        0,
        2.1675,
        0.155,
        2.3225,
        0.31,
        2.4775,
        0.465,
        2.6325,
        0.62,
        2.7875,
        0.775,
        2.9425,
        0.93,
        3.0975,
        1.085,
        3.2525,
        1.24,
        3.4075,
        1.395,
        3.56,
        1.5475,
        3.715,
        1.7025,
        3.87,
        1.8575,
        4.025,
        2.0125,
        0,
        2.1675,
        0.155,
        2.3225,
        0.31,
        2.4775,
        0.465,
        2.6325,
        0.62,
        2.7875,
        0.775,
        2.9425,
        0.93,
        3.0975,
        1.085,
        3.2525,
        1.24,
        3.4075,
        1.395,
        3.56,
        1.5475,
        3.715,
        1.7025,
        3.87,
        1.8575,
        4.025,
        2.0125,
        0,
        2.1675,
        0.155,
        2.3225,
        0.31,
        2.4775,
        0.465,
        2.6325,
        0.62,
        2.7875,
        0.775,
        2.9425,
        0.93,
        3.0975,
        1.085,
        3.2525,
        1.24,
        3.4075,
        1.395,
        3.56,
        1.5475,
        3.715,
        1.7025,
        3.87,
        1.8575,
        4.025,
        2.0125
    ],
    "SoftwareVersions": "syngo MR E11",
    "SpacingBetweenSlices": 1.7,
    "SpoilingState": true,
    "StationName": "HUP FNDBA MR2",
    "TotalReadoutTime": 0.0959097,
    "TxRefAmp": 219.215,
    "VendorReportedEchoSpacing": 0.00069,
    "VoxelSizeDim1": 1.7142857313156128,
    "VoxelSizeDim2": 1.7142857313156128,
    "VoxelSizeDim3": 1.6999999284744263,
    "WipMemBlock": "9578aed2-89b1-4d63-8641-5ee24db2d74a"
}