{
    "AcquisitionMatrixPE": 64,
    "AcquisitionNumber": 1,
    "AcquisitionTime": "15:08:26.630000",
    "ArterialSpinLabelingType": "PCASL",
    "BackgroundSuppression": true,
    "BackgroundSuppressionNumberPulses": 2,
    "BaseResolution": 64,
    "BodyPartExamined": "BRAIN",
    "CoilCombinationMethod": "Adaptive Combine",
    "ConsistencyInfo": "N4_VE11C_LATEST_20160120",
    "ConversionSoftware": "dcm2niix",
    "ConversionSoftwareVersion": "v1.0.20220505",
    "DeviceSerialNumber": "167024",
    "Dim1Size": 64,
    "Dim2Size": 64,
    "Dim3Size": 32,
    "EchoTime": 0.01003,
    "FlipAngle": 90,
    "FrameTimesStart": [
        0,
        28.9075,
        33.3525,
        37.7975,
        42.2425,
        46.6875,
        51.13,
        55.575,
        60.02,
        64.465,
        68.91,
        73.355,
        77.7975,
        82.2425,
        86.6875,
        91.1325,
        95.5775,
        100.022,
        104.467,
        108.91,
        113.355,
        117.8,
        122.245,
        126.69,
        131.135,
        135.577,
        140.023,
        144.467,
        148.913,
        153.357,
        157.803,
        162.247,
        166.69,
        171.135,
        175.58,
        180.025,
        184.47,
        188.915,
        193.357,
        197.803,
        202.247,
        206.693,
        211.137,
        215.583,
        220.027,
        224.47,
        228.915,
        233.36,
        237.805,
        242.25,
        246.695,
        251.14,
        255.583,
        260.027,
        264.473,
        268.918,
        273.362,
        277.807,
        282.25,
        286.695,
        291.14,
        295.585,
        300.03,
        304.475,
        308.92,
        313.362,
        317.807,
        322.253,
        326.698,
        331.142,
        335.587,
        340.03,
        344.475,
        348.92,
        353.365,
        357.81,
        362.255,
        366.7,
        371.142,
        375.587
    ],
    "HeudiconvVersion": "1.3.2",
    "ImageComments": "21580_12399@BBL:EFR01",
    "ImageOrientation": "LAS+",
    "ImageOrientationPatientDICOM": [
        1,
        0,
        0,
        0,
        1,
        0
    ],
    "ImageType": [
        "ORIGINAL",
        "PRIMARY",
        "M",
        "ND"
    ],
    "ImagingFrequency": 123.192,
    "InPlanePhaseEncodingDirectionDICOM": "COL",
    "InstitutionAddress": "Spruce Street 3400,Philadelphia,Pennsylvania,US,19104",
    "InstitutionName": "HUP",
    "LabelingDuration": 1.5,
    "M0Type": "Separate",
    "MRAcquisitionType": "3D",
    "MagneticFieldStrength": 3,
    "Manufacturer": "Siemens",
    "ManufacturersModelName": "Prisma_fit",
    "MatrixCoilMode": "SENSE",
    "Modality": "MR",
    "NumVolumes": 80,
    "Obliquity": "False",
    "PCASLType": "unbalanced",
    "PartialFourier": 1,
    "PatientPosition": "HFS",
    "PercentPhaseFOV": 100,
    "PercentSampling": 100,
    "PhaseEncodingSteps": 2,
    "PhaseResolution": 1,
    "PixelBandwidth": 400,
    "PostLabelingDelay": 1.5,
    "ProcedureStepDescription": "MR HEAD WO IV CONTRAST",
    "ProtocolName": "asl_acq-3dspiralv20unbalanced_asl",
    "PulseSequenceDetails": "%CustomerSeq%\\SPIRAL_V20_GE",
    "ReceiveCoilActiveElements": "HEA;HEP",
    "ReceiveCoilName": "Head_32",
    "ReconMatrixPE": 64,
    "RepetitionTime": 4.75427,
    "RepetitionTimeExcitation": 4.4446,
    "RepetitionTimePreparation": 4.29845,
    "SAR": 0.842171,
    "ScanOptions": "SAT1\\FS",
    "ScanningSequence": "RM",
    "SequenceName": "Sp3d1",
    "SequenceVariant": "SS",
    "SeriesDescription": "asl_acq-3dspiralv20unbalanced_asl_ASL",
    "SeriesNumber": 21,
    "ShimSetting": [
        1797,
        -3911,
        -145,
        635,
        83,
        -53,
        83,
        -11
    ],
    "SliceThickness": 3.75,
    "SoftwareVersions": "syngo MR E11",
    "StationName": "HUP FNDBA MR2",
    "TotalAcquiredPairs": 40,
    "TxRefAmp": 291.094,
    "VoxelSizeDim1": 3.75,
    "VoxelSizeDim2": 3.75,
    "VoxelSizeDim3": 3.75
}