{
    "AcquisitionMatrixPE": 140,
    "AcquisitionNumber": 1,
    "AcquisitionTime": "11:37:55.035000",
    "B0FieldIdentifier": "fmap_dwi_ap_ses-1",
    "BandwidthPerPixelPhaseEncode": 10.352,
    "BaseResolution": 140,
    "BodyPartExamined": "BRAIN",
    "CoilCombinationMethod": "Adaptive Combine",
    "ConsistencyInfo": "N4_VE11C_LATEST_20160120",
    "ConversionSoftware": "dcm2niix",
    "ConversionSoftwareVersion": "v1.0.20220505",
    "DerivedVendorReportedEchoSpacing": 0.000689998,
    "DeviceSerialNumber": "167024",
    "DiffusionScheme": "Monopolar",
    "Dim1Size": 140,
    "Dim2Size": 140,
    "Dim3Size": 81,
    "DwellTime": 2.1e-06,
    "EchoTime": 0.089,
    "EchoTrainLength": 105,
    "EffectiveEchoSpacing": 0.000689998,
    "FlipAngle": 90,
    "HeudiconvVersion": "1.3.2",
    "ImageComments": "20836_11359@BBL:EFR01",
    "ImageOrientation": "LAS+",
    "ImageOrientationPatientDICOM": [
        1,
        0,
        0,
        0,
        0.999848,
        -0.0174524
    ],
    "ImageOrientationText": "Tra>Cor(-1.0)",
    "ImageType": [
        "ORIGINAL",
        "PRIMARY",
        "DIFFUSION",
        "NONE",
        "ND"
    ],
    "ImagingFrequency": 123.261,
    "InPlanePhaseEncodingDirectionDICOM": "COL",
    "InstitutionAddress": "Spruce Street 3400,Philadelphia,Pennsylvania,US,19104",
    "InstitutionName": "HUP",
    "InstitutionalDepartmentName": "Department",
    "IntendedFor": "ses-1/dwi/sub-20836_ses-1_run-01_dwi.nii.gz",
    "MRAcquisitionType": "2D",
    "MagneticFieldStrength": 3,
    "Manufacturer": "Siemens",
    "ManufacturersModelName": "Prisma_fit",
    "MatrixCoilMode": "SENSE",
    "Modality": "MR",
    "NumVolumes": 1,
    "Obliquity": "True",
    "ParallelReductionFactorInPlane": 1,
    "PartialFourier": 0.75,
    "PartialFourierDirection": "y",
    "PatientPosition": "HFS",
    "PercentPhaseFOV": 100,
    "PercentSampling": 100,
    "PhaseEncodingDirection": "j-",
    "PhaseEncodingSteps": 105,
    "PhaseResolution": 1,
    "PixelBandwidth": 1700,
    "ProcedureStepDescription": "MR HEAD WO IV CONTRAST",
    "ProtocolName": "fmap_acq-dMRIdistmap_dir-AP_epi",
    "PulseSequenceDetails": "%CustomerSeq%\\ep2d_diff_sms_abcd",
    "ReceiveCoilActiveElements": "HEA;HEP",
    "ReceiveCoilName": "Head_32",
    "ReconMatrixPE": 140,
    "RepetitionTime": 12.4,
    "SAR": 0.126884,
    "ScanOptions": "PFP\\FS",
    "ScanningSequence": "EP",
    "SequenceName": "ep_b0",
    "SequenceVariant": "SK\\SP",
    "SeriesDescription": "fmap_acq-dMRIdistmap_dir-AP_epi",
    "SeriesNumber": 11,
    "ShimSetting": [
        1740,
        -3902,
        -196,
        606,
        54,
        -41,
        59,
        -4
    ],
    "SliceThickness": 1.7,
    "SliceTiming": [
        0,
        6.27344,
        0.15625,
        6.42188,
        0.3125,
        6.57812,
        0.46094,
        6.72656,
        0.61719,
        6.88281,
        0.76562,
        7.03125,
        0.92188,
        7.1875,
        1.07031,
        7.34375,
        1.22656,
        7.49219,
        1.375,
        7.64844,
        1.53125,
        7.79688,
        1.6875,
        7.95312,
        1.83594,
        8.10156,
        1.99219,
        8.25781,
        2.14062,
        8.41406,
        2.29688,
        8.5625,
        2.44531,
        8.71875,
        2.60156,
        8.86719,
        2.75781,
        9.02344,
        2.90625,
        9.17188,
        3.0625,
        9.32812,
        3.21094,
        9.47656,
        3.36719,
        9.63281,
        3.51562,
        9.78906,
        3.67188,
        9.9375,
        3.82812,
        10.0938,
        3.97656,
        10.2422,
        4.13281,
        10.3984,
        4.28125,
        10.5469,
        4.4375,
        10.7031,
        4.58594,
        10.8594,
        4.74219,
        11.0078,
        4.89062,
        11.1641,
        5.04688,
        11.3125,
        5.20312,
        11.4688,
        5.35156,
        11.6172,
        5.50781,
        11.7734,
        5.65625,
        11.9297,
        5.8125,
        12.0781,
        5.96094,
        12.2344,
        6.11719
    ],
    "SoftwareVersions": "syngo MR E11",
    "SpacingBetweenSlices": 1.7,
    "SpoilingState": true,
    "StationName": "HUP FNDBA MR2",
    "TotalReadoutTime": 0.0959097,
    "TxRefAmp": 229.869,
    "VendorReportedEchoSpacing": 0.00069,
    "VoxelSizeDim1": 1.7142857313156128,
    "VoxelSizeDim2": 1.7142857313156128,
    "VoxelSizeDim3": 1.7000000476837158,
    "WipMemBlock": "6b23692d-a6f3-494e-b956-5cd9d5f19b99"
}