{
    "AcquisitionMatrixPE": 64,
    "AcquisitionNumber": 1,
    "AcquisitionTime": "17:35:5.102500",
    "ArterialSpinLabelingType": "PCASL",
    "BackgroundSuppression": true,
    "BackgroundSuppressionNumberPulses": 2,
    "BaseResolution": 64,
    "BodyPartExamined": "BRAIN",
    "CoilCombinationMethod": "Adaptive Combine",
    "ConsistencyInfo": "N4_VE11C_LATEST_20160120",
    "ConversionSoftware": "dcm2niix",
    "ConversionSoftwareVersion": "v1.0.20220505",
    "DeviceSerialNumber": "167024",
    "Dim1Size": 64,
    "Dim2Size": 64,
    "Dim3Size": 32,
    "EchoTime": 0.01003,
    "FlipAngle": 90,
    "FrameTimesStart": [
        0,
        32.3425,
        37.9325,
        43.5225,
        49.1125,
        54.7025,
        60.2925,
        65.8825,
        71.4725,
        77.06,
        82.65,
        88.24,
        93.83,
        99.42,
        105.01,
        110.6,
        116.19,
        121.78,
        127.368,
        132.958,
        138.548,
        144.137,
        149.727,
        155.318,
        160.908,
        166.497,
        172.087,
        177.675,
        183.265,
        188.855,
        194.445,
        200.035,
        205.625,
        211.215,
        216.805,
        222.395,
        227.982,
        233.572,
        239.163,
        244.753,
        250.342,
        255.932,
        261.522,
        267.112,
        272.703,
        278.29,
        283.88,
        289.47,
        295.06,
        300.65,
        306.24,
        311.83,
        317.42,
        323.01,
        328.598,
        334.188,
        339.777,
        345.367,
        350.957,
        356.547,
        362.138,
        367.728,
        373.318,
        378.905,
        384.495,
        390.085,
        395.675,
        401.265,
        406.855,
        412.445,
        418.035,
        423.625,
        429.212,
        434.802,
        440.392,
        445.983,
        451.573,
        457.163,
        462.753,
        468.342
    ],
    "HeudiconvVersion": "1.3.2",
    "ImageComments": "20149_12596@BBL:EFR01",
    "ImageOrientation": "LAS+",
    "ImageOrientationPatientDICOM": [
        1,
        0,
        0,
        0,
        1,
        0
    ],
    "ImageType": [
        "ORIGINAL",
        "PRIMARY",
        "M",
        "ND"
    ],
    "ImagingFrequency": 123.166,
    "InPlanePhaseEncodingDirectionDICOM": "COL",
    "InstitutionAddress": "Spruce Street 3400,Philadelphia,Pennsylvania,US,19104",
    "InstitutionName": "HUP",
    "LabelingDuration": 1.5,
    "M0Type": "Separate",
    "MRAcquisitionType": "3D",
    "MagneticFieldStrength": 3,
    "Manufacturer": "Siemens",
    "ManufacturersModelName": "Prisma_fit",
    "MatrixCoilMode": "SENSE",
    "Modality": "MR",
    "NumVolumes": 80,
    "Obliquity": "False",
    "PCASLType": "unbalanced",
    "PartialFourier": 1,
    "PatientPosition": "HFS",
    "PercentPhaseFOV": 100,
    "PercentSampling": 100,
    "PhaseEncodingSteps": 2,
    "PhaseResolution": 1,
    "PixelBandwidth": 400,
    "PostLabelingDelay": 1.5,
    "ProcedureStepDescription": "MR HEAD WO IV CONTRAST",
    "ProtocolName": "asl_acq-3dspiralv20unbalanced_asl",
    "PulseSequenceDetails": "%CustomerSeq%\\SPIRAL_V20_GE",
    "ReceiveCoilActiveElements": "HEA;HEP",
    "ReceiveCoilName": "Head_32",
    "ReconMatrixPE": 64,
    "RepetitionTime": 5.92839,
    "RepetitionTimeExcitation": 5.5897,
    "RepetitionTimePreparation": 4.29845,
    "SAR": 0.720952,
    "ScanOptions": "SAT1\\FS",
    "ScanningSequence": "RM",
    "SequenceName": "Sp3d1",
    "SequenceVariant": "SS",
    "SeriesDescription": "asl_acq-3dspiralv20unbalanced_asl_ASL",
    "SeriesNumber": 25,
    "ShimSetting": [
        1789,
        -3862,
        -112,
        522,
        50,
        105,
        67,
        -11
    ],
    "SliceThickness": 3.75,
    "SoftwareVersions": "syngo MR E11",
    "StationName": "HUP FNDBA MR2",
    "TotalAcquiredPairs": 40,
    "TxRefAmp": 321.844,
    "VoxelSizeDim1": 3.75,
    "VoxelSizeDim2": 3.75,
    "VoxelSizeDim3": 3.75
}