{
    "AcquisitionMatrixPE": 90,
    "AcquisitionNumber": 1,
    "AcquisitionTime": "15:51:31.517500",
    "B0FieldSource": [
        "fmap_fmri_ses_1"
    ],
    "BandwidthPerPixelPhaseEncode": 21.786,
    "BaseResolution": 90,
    "BodyPartExamined": "BRAIN",
    "CoilCombinationMethod": "Sum of Squares",
    "ConsistencyInfo": "N4_VE11C_LATEST_20160120",
    "ConversionSoftware": "dcm2niix",
    "ConversionSoftwareVersion": "v1.0.20220505",
    "DerivedVendorReportedEchoSpacing": 0.000510012,
    "DeviceSerialNumber": "167024",
    "Dim1Size": 90,
    "Dim2Size": 90,
    "Dim3Size": 60,
    "EchoTime": 0.03,
    "EchoTrainLength": 90,
    "EffectiveEchoSpacing": 0.000510012,
    "FlipAngle": 52,
    "HeudiconvVersion": "1.3.2",
    "ImageComments": "SMS_ABCD_V1.2; MB=6; FOVshift=3; K_PE=5; K_RO=5; LeakBlockOn;",
    "ImageOrientation": "LAS+",
    "ImageOrientationPatientDICOM": [
        0.999328,
        -0.00611102,
        0.0361305,
        -7.47094e-09,
        0.985996,
        0.166769
    ],
    "ImageType": [
        "ORIGINAL",
        "PRIMARY",
        "M",
        "ND",
        "MOSAIC"
    ],
    "ImagingFrequency": 123.262,
    "InPlanePhaseEncodingDirectionDICOM": "COL",
    "InstitutionAddress": "Spruce Street 3400,Philadelphia,Pennsylvania,US,19104",
    "InstitutionName": "HUP",
    "MRAcquisitionType": "2D",
    "MagneticFieldStrength": 3,
    "Manufacturer": "Siemens",
    "ManufacturersModelName": "Prisma_fit",
    "Modality": "MR",
    "MultibandAccelerationFactor": 6,
    "NumVolumes": 522,
    "Obliquity": "True",
    "PartialFourier": 1,
    "PatientPosition": "HFS",
    "PercentPhaseFOV": 100,
    "PercentSampling": 100,
    "PhaseEncodingDirection": "j",
    "PhaseEncodingSteps": 90,
    "PhaseResolution": 1,
    "PixelBandwidth": 2780,
    "ProcedureStepDescription": "MR HEAD WO IV CONTRAST",
    "ProtocolName": "func_task-rest_run-01",
    "PulseSequenceDetails": "%CustomerSeq%\\ep2d_bold_sms_abcd",
    "ReceiveCoilActiveElements": "HEA;HEP",
    "ReceiveCoilName": "Head_32",
    "ReconMatrixPE": 90,
    "RefLinesPE": 22,
    "RepetitionTime": 0.8,
    "SAR": 0.0713162,
    "ScanOptions": "FS\\CT",
    "ScanningSequence": "EP",
    "SequenceName": "epfid2d1_90",
    "SequenceVariant": "SK",
    "SeriesDescription": "func_task-rest_run-01",
    "SeriesNumber": 14,
    "ShimSetting": [
        1739,
        -3929,
        -202,
        450,
        117,
        -56,
        251,
        -18
    ],
    "SliceThickness": 2.4,
    "SliceTiming": [
        0.545,
        0,
        0.39,
        0.0775,
        0.4675,
        0.2325,
        0.6225,
        0.31,
        0.7,
        0.155,
        0.545,
        0,
        0.39,
        0.0775,
        0.4675,
        0.2325,
        0.6225,
        0.31,
        0.7,
        0.155,
        0.545,
        0,
        0.39,
        0.0775,
        0.4675,
        0.2325,
        0.6225,
        0.31,
        0.7,
        0.155,
        0.545,
        0,
        0.39,
        0.0775,
        0.4675,
        0.2325,
        0.6225,
        0.31,
        0.7,
        0.155,
        0.545,
        0,
        0.39,
        0.0775,
        0.4675,
        0.2325,
        0.6225,
        0.31,
        0.7,
        0.155,
        0.545,
        0,
        0.39,
        0.0775,
        0.4675,
        0.2325,
        0.6225,
        0.31,
        0.7,
        0.155
    ],
    "SoftwareVersions": "syngo MR E11",
    "SpacingBetweenSlices": 2.4,
    "StationName": "HUP FNDBA MR2",
    "TaskName": "rest",
    "TotalReadoutTime": 0.045391,
    "TxRefAmp": 236.706,
    "VoxelSizeDim1": 2.4000000953674316,
    "VoxelSizeDim2": 2.4000000953674316,
    "VoxelSizeDim3": 2.4000000953674316,
    "WipMemBlock": "594de80f-c7ce-4426-b8da-bf0eb5312834"
}