{
    "AcquisitionMatrixPE": 90,
    "AcquisitionNumber": 1,
    "AcquisitionTime": "14:05:38.817500",
    "B0FieldSource": [
        "fmap_fmri_ses_2"
    ],
    "BandwidthPerPixelPhaseEncode": 21.786,
    "BaseResolution": 90,
    "BodyPartExamined": "BRAIN",
    "CoilCombinationMethod": "Sum of Squares",
    "ConsistencyInfo": "N4_VE11C_LATEST_20160120",
    "ConversionSoftware": "dcm2niix",
    "ConversionSoftwareVersion": "v1.0.20220505",
    "DerivedVendorReportedEchoSpacing": 0.000510012,
    "DeviceSerialNumber": "167024",
    "Dim1Size": 90,
    "Dim2Size": 90,
    "Dim3Size": 60,
    "DwellTime": 2e-06,
    "EchoTime": 0.03,
    "EchoTrainLength": 90,
    "EffectiveEchoSpacing": 0.000510012,
    "FlipAngle": 52,
    "HeudiconvVersion": "1.3.2",
    "ImageComments": "SMS_ABCD_V1.2; MB=6; FOVshift=3; K_PE=5; K_RO=5; LeakBlockOn;\r\n22653_12586@bbl:EFR01",
    "ImageOrientation": "LAS+",
    "ImageOrientationPatientDICOM": [
        0.999848,
        -0.000274121,
        -0.0174481,
        -1.71012e-08,
        0.999877,
        -0.0157097
    ],
    "ImageOrientationText": "Tra>Sag(-1.0)>Cor(-0.9)",
    "ImageType": [
        "ORIGINAL",
        "PRIMARY",
        "M",
        "ND",
        "MOSAIC"
    ],
    "ImagingFrequency": 123.166,
    "InPlanePhaseEncodingDirectionDICOM": "COL",
    "InstitutionAddress": "Spruce Street 3400,Philadelphia,Pennsylvania,US,19104",
    "InstitutionName": "HUP",
    "InstitutionalDepartmentName": "Department",
    "MRAcquisitionType": "2D",
    "MagneticFieldStrength": 3,
    "Manufacturer": "Siemens",
    "ManufacturersModelName": "Prisma_fit",
    "Modality": "MR",
    "MultibandAccelerationFactor": 6,
    "NumVolumes": 522,
    "Obliquity": "True",
    "PartialFourier": 1,
    "PatientPosition": "HFS",
    "PercentPhaseFOV": 100,
    "PercentSampling": 100,
    "PhaseEncodingDirection": "j",
    "PhaseEncodingSteps": 90,
    "PhaseResolution": 1,
    "PixelBandwidth": 2780,
    "ProcedureStepDescription": "MR HEAD WO IV CONTRAST",
    "ProtocolName": "func_task-fracnoback_run-02",
    "PulseSequenceDetails": "%CustomerSeq%\\ep2d_bold_sms_abcd",
    "ReceiveCoilActiveElements": "HEA;HEP",
    "ReceiveCoilName": "Head_32",
    "ReconMatrixPE": 90,
    "RefLinesPE": 22,
    "RepetitionTime": 0.8,
    "SAR": 0.0882688,
    "ScanOptions": "FS\\CT",
    "ScanningSequence": "EP",
    "SequenceName": "epfid2d1_90",
    "SequenceVariant": "SK",
    "SeriesDescription": "func_task-fracnoback_run-02",
    "SeriesNumber": 14,
    "ShimSetting": [
        1826,
        -3716,
        -204,
        553,
        61,
        180,
        -235,
        -105
    ],
    "SliceThickness": 2.4,
    "SliceTiming": [
        0.545,
        0,
        0.3875,
        0.0775,
        0.4675,
        0.2325,
        0.6225,
        0.31,
        0.7,
        0.155,
        0.545,
        0,
        0.3875,
        0.0775,
        0.4675,
        0.2325,
        0.6225,
        0.31,
        0.7,
        0.155,
        0.545,
        0,
        0.3875,
        0.0775,
        0.4675,
        0.2325,
        0.6225,
        0.31,
        0.7,
        0.155,
        0.545,
        0,
        0.3875,
        0.0775,
        0.4675,
        0.2325,
        0.6225,
        0.31,
        0.7,
        0.155,
        0.545,
        0,
        0.3875,
        0.0775,
        0.4675,
        0.2325,
        0.6225,
        0.31,
        0.7,
        0.155,
        0.545,
        0,
        0.3875,
        0.0775,
        0.4675,
        0.2325,
        0.6225,
        0.31,
        0.7,
        0.155
    ],
    "SoftwareVersions": "syngo MR E11",
    "SpacingBetweenSlices": 2.4,
    "StationName": "HUP FNDBA MR2",
    "TaskName": "nback",
    "TotalReadoutTime": 0.045391,
    "TxRefAmp": 217.911,
    "VoxelSizeDim1": 2.4000000953674316,
    "VoxelSizeDim2": 2.4000000953674316,
    "VoxelSizeDim3": 2.4000000953674316,
    "WipMemBlock": "a5f618b6-ebd1-4682-b7c3-056467120589"
}