{
    "AcquisitionMatrixPE": 90,
    "AcquisitionNumber": 1,
    "AcquisitionTime": "14:44:38.980000",
    "B0FieldSource": [
        "fmap_fmri_ses_2"
    ],
    "BandwidthPerPixelPhaseEncode": 21.786,
    "BaseResolution": 90,
    "BodyPartExamined": "BRAIN",
    "CoilCombinationMethod": "Sum of Squares",
    "ConsistencyInfo": "N4_VE11C_LATEST_20160120",
    "ConversionSoftware": "dcm2niix",
    "ConversionSoftwareVersion": "v1.0.20220505",
    "DerivedVendorReportedEchoSpacing": 0.000510012,
    "DeviceSerialNumber": "167024",
    "Dim1Size": 90,
    "Dim2Size": 90,
    "Dim3Size": 60,
    "EchoTime": 0.03,
    "EchoTrainLength": 90,
    "EffectiveEchoSpacing": 0.000510012,
    "FlipAngle": 52,
    "HeudiconvVersion": "1.3.2",
    "ImageComments": "SMS_ABCD_V1.2; MB=6; FOVshift=3; K_PE=5; K_RO=5; LeakBlockOn;\r\n21712_12452@BBL:EFR01",
    "ImageOrientation": "LAS+",
    "ImageOrientationPatientDICOM": [
        1,
        0,
        0,
        0,
        1,
        0
    ],
    "ImageType": [
        "ORIGINAL",
        "PRIMARY",
        "M",
        "ND",
        "MOSAIC"
    ],
    "ImagingFrequency": 123.166,
    "InPlanePhaseEncodingDirectionDICOM": "COL",
    "InstitutionAddress": "Spruce Street 3400,Philadelphia,Pennsylvania,US,19104",
    "InstitutionName": "HUP",
    "MRAcquisitionType": "2D",
    "MagneticFieldStrength": 3,
    "Manufacturer": "Siemens",
    "ManufacturersModelName": "Prisma_fit",
    "Modality": "MR",
    "MultibandAccelerationFactor": 6,
    "NumVolumes": 522,
    "Obliquity": "False",
    "PartialFourier": 1,
    "PatientPosition": "HFS",
    "PercentPhaseFOV": 100,
    "PercentSampling": 100,
    "PhaseEncodingDirection": "j",
    "PhaseEncodingSteps": 90,
    "PhaseResolution": 1,
    "PixelBandwidth": 2780,
    "ProcedureStepDescription": "MR HEAD WO IV CONTRAST",
    "ProtocolName": "func_task-fracnoback_run-02",
    "PulseSequenceDetails": "%CustomerSeq%\\ep2d_bold_sms_abcd",
    "ReceiveCoilActiveElements": "HEA;HEP",
    "ReceiveCoilName": "Head_32",
    "ReconMatrixPE": 90,
    "RefLinesPE": 22,
    "RepetitionTime": 0.8,
    "SAR": 0.0674148,
    "ScanOptions": "FS\\CT",
    "ScanningSequence": "EP",
    "SequenceName": "epfid2d1_90",
    "SequenceVariant": "SK",
    "SeriesDescription": "func_task-fracnoback_run-02",
    "SeriesNumber": 15,
    "ShimSetting": [
        1829,
        -3959,
        -156,
        435,
        83,
        -173,
        -13,
        -40
    ],
    "SliceThickness": 2.4,
    "SliceTiming": [
        0.5475,
        0,
        0.39,
        0.0775,
        0.4675,
        0.235,
        0.625,
        0.3125,
        0.7025,
        0.1575,
        0.5475,
        0,
        0.39,
        0.0775,
        0.4675,
        0.235,
        0.625,
        0.3125,
        0.7025,
        0.1575,
        0.5475,
        0,
        0.39,
        0.0775,
        0.4675,
        0.235,
        0.625,
        0.3125,
        0.7025,
        0.1575,
        0.5475,
        0,
        0.39,
        0.0775,
        0.4675,
        0.235,
        0.625,
        0.3125,
        0.7025,
        0.1575,
        0.5475,
        0,
        0.39,
        0.0775,
        0.4675,
        0.235,
        0.625,
        0.3125,
        0.7025,
        0.1575,
        0.5475,
        0,
        0.39,
        0.0775,
        0.4675,
        0.235,
        0.625,
        0.3125,
        0.7025,
        0.1575
    ],
    "SoftwareVersions": "syngo MR E11",
    "SpacingBetweenSlices": 2.4,
    "StationName": "HUP FNDBA MR2",
    "TaskName": "nback",
    "TotalReadoutTime": 0.045391,
    "TxRefAmp": 218.701,
    "VoxelSizeDim1": 2.4000000953674316,
    "VoxelSizeDim2": 2.4000000953674316,
    "VoxelSizeDim3": 2.3999998569488525,
    "WipMemBlock": "7db57027-3ec1-4908-a1d9-7bb1473f596a"
}